REFERENCES: STRICT
REDIRECTS: ON
STORAGE: NONE
STRATEGY: MIN
RESTRICTION: || (== net461) (== net50) (== netstandard2.0) (== netstandard2.1)
NUGET
  remote: https://api.nuget.org/v3/index.json
    FSharp.Core (4.2.3)
      System.Collections (>= 4.0.11) - restriction: || (&& (== net461) (< net45) (>= netstandard1.6)) (== net50) (== netstandard2.0) (== netstandard2.1)
      System.Console (>= 4.0) - restriction: || (&& (== net461) (< net45) (>= netstandard1.6)) (== net50) (== netstandard2.0) (== netstandard2.1)
      System.Diagnostics.Debug (>= 4.0.11) - restriction: || (&& (== net461) (< net45) (>= netstandard1.6)) (== net50) (== netstandard2.0) (== netstandard2.1)
      System.Diagnostics.Tools (>= 4.0.1) - restriction: || (&& (== net461) (< net45) (>= netstandard1.6)) (== net50) (== netstandard2.0) (== netstandard2.1)
      System.Globalization (>= 4.0.11) - restriction: || (&& (== net461) (< net45) (>= netstandard1.6)) (== net50) (== netstandard2.0) (== netstandard2.1)
      System.IO (>= 4.1) - restriction: || (&& (== net461) (< net45) (>= netstandard1.6)) (== net50) (== netstandard2.0) (== netstandard2.1)
      System.Linq (>= 4.1) - restriction: || (&& (== net461) (< net45) (>= netstandard1.6)) (== net50) (== netstandard2.0) (== netstandard2.1)
      System.Linq.Expressions (>= 4.1) - restriction: || (&& (== net461) (< net45) (>= netstandard1.6)) (== net50) (== netstandard2.0) (== netstandard2.1)
      System.Linq.Queryable (>= 4.0.1) - restriction: || (&& (== net461) (< net45) (>= netstandard1.6)) (== net50) (== netstandard2.0) (== netstandard2.1)
      System.Net.Requests (>= 4.0.11) - restriction: || (&& (== net461) (< net45) (>= netstandard1.6)) (== net50) (== netstandard2.0) (== netstandard2.1)
      System.Reflection (>= 4.1) - restriction: || (&& (== net461) (< net45) (>= netstandard1.6)) (== net50) (== netstandard2.0) (== netstandard2.1)
      System.Reflection.Extensions (>= 4.0.1) - restriction: || (&& (== net461) (< net45) (>= netstandard1.6)) (== net50) (== netstandard2.0) (== netstandard2.1)
      System.Resources.ResourceManager (>= 4.0.1) - restriction: || (&& (== net461) (< net45) (>= netstandard1.6)) (== net50) (== netstandard2.0) (== netstandard2.1)
      System.Runtime (>= 4.1) - restriction: || (&& (== net461) (< net45) (>= netstandard1.6)) (== net50) (== netstandard2.0) (== netstandard2.1)
      System.Runtime.Extensions (>= 4.1) - restriction: || (&& (== net461) (< net45) (>= netstandard1.6)) (== net50) (== netstandard2.0) (== netstandard2.1)
      System.Runtime.Numerics (>= 4.0.1) - restriction: || (&& (== net461) (< net45) (>= netstandard1.6)) (== net50) (== netstandard2.0) (== netstandard2.1)
      System.Text.RegularExpressions (>= 4.1) - restriction: || (&& (== net461) (< net45) (>= netstandard1.6)) (== net50) (== netstandard2.0) (== netstandard2.1)
      System.Threading (>= 4.0.11) - restriction: || (&& (== net461) (< net45) (>= netstandard1.6)) (== net50) (== netstandard2.0) (== netstandard2.1)
      System.Threading.Tasks (>= 4.0.11) - restriction: || (&& (== net461) (< net45) (>= netstandard1.6)) (== net50) (== netstandard2.0) (== netstandard2.1)
      System.Threading.Tasks.Parallel (>= 4.0.1) - restriction: || (&& (== net461) (< net45) (>= netstandard1.6)) (== net50) (== netstandard2.0) (== netstandard2.1)
      System.Threading.Thread (>= 4.0) - restriction: || (&& (== net461) (< net45) (>= netstandard1.6)) (== net50) (== netstandard2.0) (== netstandard2.1)
      System.Threading.ThreadPool (>= 4.0.10) - restriction: || (&& (== net461) (< net45) (>= netstandard1.6)) (== net50) (== netstandard2.0) (== netstandard2.1)
      System.Threading.Timer (>= 4.0.1) - restriction: || (&& (== net461) (< net45) (>= netstandard1.6)) (== net50) (== netstandard2.0) (== netstandard2.1)
    Microsoft.AspNetCore.Authentication.Abstractions (2.0)
      Microsoft.AspNetCore.Http.Abstractions (>= 2.0) - restriction: || (&& (== net461) (>= netstandard2.0)) (== net50) (== netstandard2.0) (== netstandard2.1)
      Microsoft.Extensions.Logging.Abstractions (>= 2.0) - restriction: || (&& (== net461) (>= netstandard2.0)) (== net50) (== netstandard2.0) (== netstandard2.1)
      Microsoft.Extensions.Options (>= 2.0) - restriction: || (&& (== net461) (>= netstandard2.0)) (== net50) (== netstandard2.0) (== netstandard2.1)
    Microsoft.AspNetCore.Hosting.Abstractions (2.0)
      Microsoft.AspNetCore.Hosting.Server.Abstractions (>= 2.0) - restriction: || (&& (== net461) (>= netstandard2.0)) (== net50) (== netstandard2.0) (== netstandard2.1)
      Microsoft.AspNetCore.Http.Abstractions (>= 2.0) - restriction: || (&& (== net461) (>= netstandard2.0)) (== net50) (== netstandard2.0) (== netstandard2.1)
      Microsoft.Extensions.Configuration.Abstractions (>= 2.0) - restriction: || (&& (== net461) (>= netstandard2.0)) (== net50) (== netstandard2.0) (== netstandard2.1)
      Microsoft.Extensions.DependencyInjection.Abstractions (>= 2.0) - restriction: || (&& (== net461) (>= netstandard2.0)) (== net50) (== netstandard2.0) (== netstandard2.1)
      Microsoft.Extensions.FileProviders.Abstractions (>= 2.0) - restriction: || (&& (== net461) (>= netstandard2.0)) (== net50) (== netstandard2.0) (== netstandard2.1)
      Microsoft.Extensions.Hosting.Abstractions (>= 2.0) - restriction: || (&& (== net461) (>= netstandard2.0)) (== net50) (== netstandard2.0) (== netstandard2.1)
      Microsoft.Extensions.Logging.Abstractions (>= 2.0) - restriction: || (&& (== net461) (>= netstandard2.0)) (== net50) (== netstandard2.0) (== netstandard2.1)
    Microsoft.AspNetCore.Hosting.Server.Abstractions (2.0) - restriction: || (&& (== net461) (>= netstandard2.0)) (== net50) (== netstandard2.0) (== netstandard2.1)
      Microsoft.AspNetCore.Http.Features (>= 2.0) - restriction: || (&& (== net461) (>= netstandard2.0)) (== net50) (== netstandard2.0) (== netstandard2.1)
      Microsoft.Extensions.Configuration.Abstractions (>= 2.0) - restriction: || (&& (== net461) (>= netstandard2.0)) (== net50) (== netstandard2.0) (== netstandard2.1)
    Microsoft.AspNetCore.Http.Abstractions (2.0) - restriction: || (&& (== net461) (>= netstandard2.0)) (== net50) (== netstandard2.0) (== netstandard2.1)
      Microsoft.AspNetCore.Http.Features (>= 2.0) - restriction: || (&& (== net461) (>= netstandard2.0)) (== net50) (== netstandard2.0) (== netstandard2.1)
      System.Text.Encodings.Web (>= 4.4) - restriction: || (&& (== net461) (>= netstandard2.0)) (== net50) (== netstandard2.0) (== netstandard2.1)
    Microsoft.AspNetCore.Http.Features (2.0) - restriction: || (&& (== net461) (>= netstandard2.0)) (== net50) (== netstandard2.0) (== netstandard2.1)
      Microsoft.Extensions.Primitives (>= 2.0) - restriction: || (&& (== net461) (>= netstandard2.0)) (== net50) (== netstandard2.0) (== netstandard2.1)
    Microsoft.Build.Framework (16.8) - restriction: || (&& (== net461) (>= netstandard2.0)) (== net50) (== netstandard2.0) (== netstandard2.1)
      System.Security.Permissions (>= 4.7) - restriction: || (&& (== net461) (>= netstandard2.0)) (== net50) (== netstandard2.0) (== netstandard2.1)
    Microsoft.Build.Utilities.Core (16.8)
      Microsoft.Build.Framework (>= 16.8) - restriction: || (&& (== net461) (>= netstandard2.0)) (== net50) (== netstandard2.0) (== netstandard2.1)
      Microsoft.Win32.Registry (>= 4.3) - restriction: || (&& (== net461) (>= netstandard2.0)) (== net50) (== netstandard2.0) (== netstandard2.1)
      System.Collections.Immutable (>= 1.5) - restriction: || (&& (== net461) (>= netstandard2.0)) (== net50) (== netstandard2.0) (== netstandard2.1)
      System.Security.Permissions (>= 4.7) - restriction: || (&& (== net461) (>= netstandard2.0)) (== net50) (== netstandard2.0) (== netstandard2.1)
      System.Text.Encoding.CodePages (>= 4.0.1) - restriction: || (&& (== net461) (>= netstandard2.0)) (== net50) (== netstandard2.0) (== netstandard2.1)
    Microsoft.CodeAnalysis.Analyzers (3.0) - restriction: || (&& (== net461) (>= netstandard2.0)) (== net50) (== netstandard2.0) (== netstandard2.1)
    Microsoft.CodeAnalysis.Common (3.9) - restriction: || (&& (== net461) (>= netstandard2.0)) (== net50) (== netstandard2.0) (== netstandard2.1)
      Microsoft.CodeAnalysis.Analyzers (>= 3.0) - restriction: || (&& (== net461) (>= netstandard2.0)) (== net50) (== netstandard2.0) (== netstandard2.1)
      System.Collections.Immutable (>= 5.0) - restriction: || (&& (== net461) (>= netstandard2.0)) (== net50) (== netstandard2.0) (== netstandard2.1)
      System.Memory (>= 4.5.4) - restriction: || (&& (== net461) (>= netstandard2.0)) (== net50) (== netstandard2.0) (== netstandard2.1)
      System.Reflection.Metadata (>= 5.0) - restriction: || (&& (== net461) (>= netstandard2.0)) (== net50) (== netstandard2.0) (== netstandard2.1)
      System.Runtime.CompilerServices.Unsafe (>= 5.0) - restriction: || (&& (== net461) (>= netstandard2.0)) (== net50) (== netstandard2.0) (== netstandard2.1)
      System.Text.Encoding.CodePages (>= 4.5.1) - restriction: || (&& (== net461) (>= netstandard2.0)) (== net50) (== netstandard2.0) (== netstandard2.1)
      System.Threading.Tasks.Extensions (>= 4.5.4) - restriction: || (&& (== net461) (>= netstandard2.0)) (== net50) (== netstandard2.0) (== netstandard2.1)
    Microsoft.CodeAnalysis.CSharp (3.9)
      Microsoft.CodeAnalysis.Common (3.9) - restriction: || (&& (== net461) (>= netstandard2.0)) (== net50) (== netstandard2.0) (== netstandard2.1)
    Microsoft.CSharp (4.7)
    Microsoft.DotNet.PlatformAbstractions (2.0)
      System.AppContext (>= 4.1) - restriction: || (&& (== net461) (< net45)) (== net50) (== netstandard2.0) (== netstandard2.1)
      System.Collections (>= 4.0.11) - restriction: || (&& (== net461) (< net45)) (== net50) (== netstandard2.0) (== netstandard2.1)
      System.IO (>= 4.1) - restriction: || (&& (== net461) (< net45)) (== net50) (== netstandard2.0) (== netstandard2.1)
      System.IO.FileSystem (>= 4.0.1) - restriction: || (&& (== net461) (< net45)) (== net50) (== netstandard2.0) (== netstandard2.1)
      System.Reflection.TypeExtensions (>= 4.1) - restriction: || (&& (== net461) (< net45)) (== net50) (== netstandard2.0) (== netstandard2.1)
      System.Runtime.Extensions (>= 4.1) - restriction: || (&& (== net461) (< net45)) (== net50) (== netstandard2.0) (== netstandard2.1)
      System.Runtime.InteropServices (>= 4.1) - restriction: || (&& (== net461) (< net45)) (== net50) (== netstandard2.0) (== netstandard2.1)
      System.Runtime.InteropServices.RuntimeInformation (>= 4.0) - restriction: || (&& (== net461) (< net45)) (== net50) (== netstandard2.0) (== netstandard2.1)
    Microsoft.Extensions.Configuration.Abstractions (2.0) - restriction: || (&& (== net461) (>= netstandard2.0)) (== net50) (== netstandard2.0) (== netstandard2.1)
      Microsoft.Extensions.Primitives (>= 2.0) - restriction: || (&& (== net461) (>= netstandard2.0)) (== net50) (== netstandard2.0) (== netstandard2.1)
    Microsoft.Extensions.DependencyInjection.Abstractions (2.0) - restriction: || (&& (== net461) (>= netstandard2.0)) (== net50) (== netstandard2.0) (== netstandard2.1)
    Microsoft.Extensions.DependencyModel (2.0)
      Microsoft.DotNet.PlatformAbstractions (>= 2.0)
      Newtonsoft.Json (>= 9.0.1)
      System.Diagnostics.Debug (>= 4.0.11) - restriction: || (&& (== net461) (< net451)) (== net50) (== netstandard2.0) (== netstandard2.1)
      System.Dynamic.Runtime (>= 4.0.11) - restriction: || (&& (== net461) (< net451)) (== net50) (== netstandard2.0) (== netstandard2.1)
      System.Linq (>= 4.1) - restriction: || (&& (== net461) (< net451)) (== net50) (== netstandard2.0) (== netstandard2.1)
    Microsoft.Extensions.FileProviders.Abstractions (2.0) - restriction: || (&& (== net461) (>= netstandard2.0)) (== net50) (== netstandard2.0) (== netstandard2.1)
      Microsoft.Extensions.Primitives (>= 2.0) - restriction: || (&& (== net461) (>= netstandard2.0)) (== net50) (== netstandard2.0) (== netstandard2.1)
    Microsoft.Extensions.Hosting.Abstractions (2.0) - restriction: || (&& (== net461) (>= netstandard2.0)) (== net50) (== netstandard2.0) (== netstandard2.1)
    Microsoft.Extensions.Logging.Abstractions (2.0) - restriction: || (&& (== net461) (>= netstandard2.0)) (== net50) (== netstandard2.0) (== netstandard2.1)
    Microsoft.Extensions.Options (2.0) - restriction: || (&& (== net461) (>= netstandard2.0)) (== net50) (== netstandard2.0) (== netstandard2.1)
      Microsoft.Extensions.DependencyInjection.Abstractions (>= 2.0) - restriction: || (&& (== net461) (>= netstandard2.0)) (== net50) (== netstandard2.0) (== netstandard2.1)
      Microsoft.Extensions.Primitives (>= 2.0) - restriction: || (&& (== net461) (>= netstandard2.0)) (== net50) (== netstandard2.0) (== netstandard2.1)
    Microsoft.Extensions.Primitives (2.0) - restriction: || (&& (== net461) (>= netstandard2.0)) (== net50) (== netstandard2.0) (== netstandard2.1)
      System.Runtime.CompilerServices.Unsafe (>= 4.4) - restriction: || (&& (== net461) (>= netstandard2.0)) (== net50) (== netstandard2.0) (== netstandard2.1)
    Microsoft.NETCore.Platforms (3.1)
    Microsoft.NETCore.Targets (1.1.3) - restriction: || (&& (== net461) (< net45)) (&& (== net461) (>= netcoreapp1.1)) (== net50) (== netstandard2.0) (== netstandard2.1)
    Microsoft.Win32.Registry (4.3) - restriction: || (&& (== net461) (>= netstandard2.0)) (== net50) (== netstandard2.0) (== netstandard2.1)
      Microsoft.NETCore.Platforms (>= 1.1) - restriction: || (&& (== net461) (< net46)) (== net50) (== netstandard2.0) (== netstandard2.1)
      System.Collections (>= 4.3) - restriction: || (&& (== net461) (< net46)) (== net50) (== netstandard2.0) (== netstandard2.1)
      System.Globalization (>= 4.3) - restriction: || (&& (== net461) (< net46)) (== net50) (== netstandard2.0) (== netstandard2.1)
      System.Resources.ResourceManager (>= 4.3) - restriction: || (&& (== net461) (< net46)) (== net50) (== netstandard2.0) (== netstandard2.1)
      System.Runtime (>= 4.3) - restriction: || (&& (== net461) (< net46)) (== net50) (== netstandard2.0) (== netstandard2.1)
      System.Runtime.Extensions (>= 4.3) - restriction: || (&& (== net461) (< net46)) (== net50) (== netstandard2.0) (== netstandard2.1)
      System.Runtime.Handles (>= 4.3) - restriction: || (&& (== net461) (< net46)) (== net50) (== netstandard2.0) (== netstandard2.1)
      System.Runtime.InteropServices (>= 4.3) - restriction: || (&& (== net461) (< net46)) (== net50) (== netstandard2.0) (== netstandard2.1)
    Microsoft.Win32.SystemEvents (4.7) - restriction: || (&& (== net461) (>= netcoreapp3.0)) (== net50) (&& (== netstandard2.0) (>= netcoreapp3.0)) (&& (== netstandard2.1) (>= netcoreapp3.0))
      Microsoft.NETCore.Platforms (>= 3.1) - restriction: || (&& (== net461) (>= netcoreapp2.0)) (== net50) (&& (== netstandard2.0) (>= netcoreapp2.0)) (&& (== netstandard2.1) (>= netcoreapp2.0))
    Mono.Cecil (0.11.3)
    NETStandard.Library (2.0.3)
      Microsoft.NETCore.Platforms (>= 1.1)
    Newtonsoft.Json (9.0.1)
      Microsoft.CSharp (>= 4.0.1) - restriction: || (&& (== net461) (< net20)) (== net50) (== netstandard2.0) (== netstandard2.1)
      System.Collections (>= 4.0.11) - restriction: || (&& (== net461) (< net20)) (== net50) (== netstandard2.0) (== netstandard2.1)
      System.Diagnostics.Debug (>= 4.0.11) - restriction: || (&& (== net461) (< net20)) (== net50) (== netstandard2.0) (== netstandard2.1)
      System.Dynamic.Runtime (>= 4.0.11) - restriction: || (&& (== net461) (< net20)) (== net50) (== netstandard2.0) (== netstandard2.1)
      System.Globalization (>= 4.0.11) - restriction: || (&& (== net461) (< net20)) (== net50) (== netstandard2.0) (== netstandard2.1)
      System.IO (>= 4.1) - restriction: || (&& (== net461) (< net20)) (== net50) (== netstandard2.0) (== netstandard2.1)
      System.Linq (>= 4.1) - restriction: || (&& (== net461) (< net20)) (== net50) (== netstandard2.0) (== netstandard2.1)
      System.Linq.Expressions (>= 4.1) - restriction: || (&& (== net461) (< net20)) (== net50) (== netstandard2.0) (== netstandard2.1)
      System.ObjectModel (>= 4.0.12) - restriction: || (&& (== net461) (< net20)) (== net50) (== netstandard2.0) (== netstandard2.1)
      System.Reflection (>= 4.1) - restriction: || (&& (== net461) (< net20)) (== net50) (== netstandard2.0) (== netstandard2.1)
      System.Reflection.Extensions (>= 4.0.1) - restriction: || (&& (== net461) (< net20)) (== net50) (== netstandard2.0) (== netstandard2.1)
      System.Resources.ResourceManager (>= 4.0.1) - restriction: || (&& (== net461) (< net20)) (== net50) (== netstandard2.0) (== netstandard2.1)
      System.Runtime (>= 4.1) - restriction: || (&& (== net461) (< net20)) (== net50) (== netstandard2.0) (== netstandard2.1)
      System.Runtime.Extensions (>= 4.1) - restriction: || (&& (== net461) (< net20)) (== net50) (== netstandard2.0) (== netstandard2.1)
      System.Runtime.Serialization.Primitives (>= 4.1.1) - restriction: || (&& (== net461) (< net20)) (== net50) (== netstandard2.0) (== netstandard2.1)
      System.Text.Encoding (>= 4.0.11) - restriction: || (&& (== net461) (< net20)) (== net50) (== netstandard2.0) (== netstandard2.1)
      System.Text.Encoding.Extensions (>= 4.0.11) - restriction: || (&& (== net461) (< net20)) (== net50) (== netstandard2.0) (== netstandard2.1)
      System.Text.RegularExpressions (>= 4.1) - restriction: || (&& (== net461) (< net20)) (== net50) (== netstandard2.0) (== netstandard2.1)
      System.Threading (>= 4.0.11) - restriction: || (&& (== net461) (< net20)) (== net50) (== netstandard2.0) (== netstandard2.1)
      System.Threading.Tasks (>= 4.0.11) - restriction: || (&& (== net461) (< net20)) (== net50) (== netstandard2.0) (== netstandard2.1)
      System.Xml.ReaderWriter (>= 4.0.11) - restriction: || (&& (== net461) (< net20)) (== net50) (== netstandard2.0) (== netstandard2.1)
      System.Xml.XDocument (>= 4.0.11) - restriction: || (&& (== net461) (< net20)) (== net50) (== netstandard2.0) (== netstandard2.1)
    runtime.debian.8-x64.runtime.native.System.Security.Cryptography.OpenSsl (4.3.2) - restriction: || (&& (== net461) (< net45) (>= netstandard1.6)) (== net50) (== netstandard2.0) (== netstandard2.1)
    runtime.fedora.23-x64.runtime.native.System.Security.Cryptography.OpenSsl (4.3.2) - restriction: || (&& (== net461) (< net45) (>= netstandard1.6)) (== net50) (== netstandard2.0) (== netstandard2.1)
    runtime.fedora.24-x64.runtime.native.System.Security.Cryptography.OpenSsl (4.3.2) - restriction: || (&& (== net461) (< net45) (>= netstandard1.6)) (== net50) (== netstandard2.0) (== netstandard2.1)
    runtime.native.System (4.3) - restriction: || (&& (== net461) (< net45) (>= netstandard1.6)) (== net50) (== netstandard2.0) (== netstandard2.1)
      Microsoft.NETCore.Platforms (>= 1.1)
      Microsoft.NETCore.Targets (>= 1.1)
    runtime.native.System.Net.Http (4.3) - restriction: || (&& (== net461) (< net45) (>= netstandard1.6)) (== net50) (== netstandard2.0) (== netstandard2.1)
      Microsoft.NETCore.Platforms (>= 1.1)
      Microsoft.NETCore.Targets (>= 1.1)
    runtime.native.System.Security.Cryptography.Apple (4.3) - restriction: || (&& (== net461) (< net45) (>= netstandard1.6)) (== net50) (== netstandard2.0) (== netstandard2.1)
      runtime.osx.10.10-x64.runtime.native.System.Security.Cryptography.Apple (>= 4.3)
    runtime.native.System.Security.Cryptography.OpenSsl (4.3.2) - restriction: || (&& (== net461) (< net45) (>= netstandard1.6)) (== net50) (== netstandard2.0) (== netstandard2.1)
      runtime.debian.8-x64.runtime.native.System.Security.Cryptography.OpenSsl (>= 4.3.2)
      runtime.fedora.23-x64.runtime.native.System.Security.Cryptography.OpenSsl (>= 4.3.2)
      runtime.fedora.24-x64.runtime.native.System.Security.Cryptography.OpenSsl (>= 4.3.2)
      runtime.opensuse.13.2-x64.runtime.native.System.Security.Cryptography.OpenSsl (>= 4.3.2)
      runtime.opensuse.42.1-x64.runtime.native.System.Security.Cryptography.OpenSsl (>= 4.3.2)
      runtime.osx.10.10-x64.runtime.native.System.Security.Cryptography.OpenSsl (>= 4.3.2)
      runtime.rhel.7-x64.runtime.native.System.Security.Cryptography.OpenSsl (>= 4.3.2)
      runtime.ubuntu.14.04-x64.runtime.native.System.Security.Cryptography.OpenSsl (>= 4.3.2)
      runtime.ubuntu.16.04-x64.runtime.native.System.Security.Cryptography.OpenSsl (>= 4.3.2)
      runtime.ubuntu.16.10-x64.runtime.native.System.Security.Cryptography.OpenSsl (>= 4.3.2)
    runtime.opensuse.13.2-x64.runtime.native.System.Security.Cryptography.OpenSsl (4.3.2) - restriction: || (&& (== net461) (< net45) (>= netstandard1.6)) (== net50) (== netstandard2.0) (== netstandard2.1)
    runtime.opensuse.42.1-x64.runtime.native.System.Security.Cryptography.OpenSsl (4.3.2) - restriction: || (&& (== net461) (< net45) (>= netstandard1.6)) (== net50) (== netstandard2.0) (== netstandard2.1)
    runtime.osx.10.10-x64.runtime.native.System.Security.Cryptography.Apple (4.3) - restriction: || (&& (== net461) (< net45) (>= netstandard1.6)) (== net50) (== netstandard2.0) (== netstandard2.1)
    runtime.osx.10.10-x64.runtime.native.System.Security.Cryptography.OpenSsl (4.3.2) - restriction: || (&& (== net461) (< net45) (>= netstandard1.6)) (== net50) (== netstandard2.0) (== netstandard2.1)
    runtime.rhel.7-x64.runtime.native.System.Security.Cryptography.OpenSsl (4.3.2) - restriction: || (&& (== net461) (< net45) (>= netstandard1.6)) (== net50) (== netstandard2.0) (== netstandard2.1)
    runtime.ubuntu.14.04-x64.runtime.native.System.Security.Cryptography.OpenSsl (4.3.2) - restriction: || (&& (== net461) (< net45) (>= netstandard1.6)) (== net50) (== netstandard2.0) (== netstandard2.1)
    runtime.ubuntu.16.04-x64.runtime.native.System.Security.Cryptography.OpenSsl (4.3.2) - restriction: || (&& (== net461) (< net45) (>= netstandard1.6)) (== net50) (== netstandard2.0) (== netstandard2.1)
    runtime.ubuntu.16.10-x64.runtime.native.System.Security.Cryptography.OpenSsl (4.3.2) - restriction: || (&& (== net461) (< net45) (>= netstandard1.6)) (== net50) (== netstandard2.0) (== netstandard2.1)
    System.AppContext (4.1) - restriction: || (&& (== net461) (< net45)) (== net50) (== netstandard2.0) (== netstandard2.1)
      System.Runtime (>= 4.1) - restriction: || (&& (== net461) (< net46)) (== net50) (== netstandard2.0) (== netstandard2.1)
    System.Buffers (4.5.1) - restriction: || (&& (== net461) (== net50)) (&& (== net461) (>= netstandard2.0)) (&& (== net461) (>= xamarinios)) (&& (== net461) (>= xamarinmac)) (&& (== net50) (>= monotouch)) (&& (== net50) (>= net461)) (&& (== net50) (< netcoreapp2.0)) (&& (== net50) (< netstandard1.1)) (&& (== net50) (< netstandard2.0)) (&& (== net50) (>= xamarinios)) (&& (== net50) (>= xamarinmac)) (&& (== net50) (>= xamarintvos)) (&& (== net50) (>= xamarinwatchos)) (== netstandard2.0) (== netstandard2.1)
    System.CodeDom (4.4)
    System.Collections (4.3) - restriction: || (&& (== net461) (< net45)) (== net50) (== netstandard2.0) (== netstandard2.1)
      Microsoft.NETCore.Platforms (>= 1.1) - restriction: || (&& (== net461) (< net45)) (== net50) (== netstandard2.0) (== netstandard2.1)
      Microsoft.NETCore.Targets (>= 1.1) - restriction: || (&& (== net461) (< net45)) (== net50) (== netstandard2.0) (== netstandard2.1)
      System.Runtime (>= 4.3) - restriction: || (&& (== net461) (< net45)) (== net50) (== netstandard2.0) (== netstandard2.1)
    System.Collections.Concurrent (4.3) - restriction: || (&& (== net461) (< net45)) (== net50) (== netstandard2.0) (== netstandard2.1)
      System.Collections (>= 4.3) - restriction: || (&& (== net461) (< net45)) (== net50) (== netstandard2.0) (== netstandard2.1)
      System.Diagnostics.Debug (>= 4.3) - restriction: || (&& (== net461) (< net45)) (== net50) (== netstandard2.0) (== netstandard2.1)
      System.Diagnostics.Tracing (>= 4.3) - restriction: || (&& (== net461) (< net45)) (== net50) (== netstandard2.0) (== netstandard2.1)
      System.Globalization (>= 4.3) - restriction: || (&& (== net461) (< net45)) (== net50) (== netstandard2.0) (== netstandard2.1)
      System.Reflection (>= 4.3) - restriction: || (&& (== net461) (< net45)) (== net50) (== netstandard2.0) (== netstandard2.1)
      System.Resources.ResourceManager (>= 4.3) - restriction: || (&& (== net461) (< net45)) (== net50) (== netstandard2.0) (== netstandard2.1)
      System.Runtime (>= 4.3) - restriction: || (&& (== net461) (< net45)) (== net50) (== netstandard2.0) (== netstandard2.1)
      System.Runtime.Extensions (>= 4.3) - restriction: || (&& (== net461) (< net45)) (== net50) (== netstandard2.0) (== netstandard2.1)
      System.Threading (>= 4.3) - restriction: || (&& (== net461) (< net45)) (== net50) (== netstandard2.0) (== netstandard2.1)
      System.Threading.Tasks (>= 4.3) - restriction: || (&& (== net461) (< net45)) (== net50) (== netstandard2.0) (== netstandard2.1)
    System.Collections.Immutable (5.0) - restriction: || (&& (== net461) (>= netstandard2.0)) (== net50) (== netstandard2.0) (== netstandard2.1)
      System.Memory (>= 4.5.4) - restriction: || (== net461) (&& (== net50) (>= net461)) (&& (== net50) (< netcoreapp2.1)) (&& (== net50) (< netstandard2.0)) (&& (== net50) (>= uap10.1)) (== netstandard2.0) (== netstandard2.1)
    System.Configuration.ConfigurationManager (4.4)
      System.Security.Cryptography.ProtectedData (>= 4.4) - restriction: || (&& (== net461) (>= netcoreapp2.0)) (== net50) (== netstandard2.0) (== netstandard2.1)
    System.Console (4.0) - restriction: || (&& (== net461) (< net45) (>= netstandard1.6)) (== net50) (== netstandard2.0) (== netstandard2.1)
      Microsoft.NETCore.Platforms (>= 1.0.1) - restriction: || (&& (== net461) (< net46)) (== net50) (== netstandard2.0) (== netstandard2.1)
      Microsoft.NETCore.Targets (>= 1.0.1) - restriction: || (&& (== net461) (< net46)) (== net50) (== netstandard2.0) (== netstandard2.1)
      System.IO (>= 4.1) - restriction: || (&& (== net461) (< net46)) (== net50) (== netstandard2.0) (== netstandard2.1)
      System.Runtime (>= 4.1) - restriction: || (&& (== net461) (< net46)) (== net50) (== netstandard2.0) (== netstandard2.1)
      System.Text.Encoding (>= 4.0.11) - restriction: || (&& (== net461) (< net46)) (== net50) (== netstandard2.0) (== netstandard2.1)
    System.Diagnostics.Debug (4.3) - restriction: || (&& (== net461) (< net45)) (== net50) (== netstandard2.0) (== netstandard2.1)
      Microsoft.NETCore.Platforms (>= 1.1) - restriction: || (&& (== net461) (< net45)) (== net50) (== netstandard2.0) (== netstandard2.1)
      Microsoft.NETCore.Targets (>= 1.1) - restriction: || (&& (== net461) (< net45)) (== net50) (== netstandard2.0) (== netstandard2.1)
      System.Runtime (>= 4.3) - restriction: || (&& (== net461) (< net45)) (== net50) (== netstandard2.0) (== netstandard2.1)
    System.Diagnostics.DiagnosticSource (4.3) - restriction: || (&& (== net461) (< net45)) (== net50) (== netstandard2.0) (== netstandard2.1)
      System.Collections (>= 4.3) - restriction: || (&& (== net461) (< net45)) (== net50) (== netstandard2.0) (== netstandard2.1)
      System.Diagnostics.Tracing (>= 4.3) - restriction: || (&& (== net461) (< net45)) (== net50) (== netstandard2.0) (== netstandard2.1)
      System.Reflection (>= 4.3) - restriction: || (&& (== net461) (< net45)) (== net50) (== netstandard2.0) (== netstandard2.1)
      System.Runtime (>= 4.3) - restriction: || (&& (== net461) (< net45)) (== net50) (== netstandard2.0) (== netstandard2.1)
      System.Threading (>= 4.3) - restriction: || (&& (== net461) (< net45)) (== net50) (== netstandard2.0) (== netstandard2.1)
    System.Diagnostics.Tools (4.0.1) - restriction: || (&& (== net461) (< net45) (>= netstandard1.6)) (== net50) (== netstandard2.0) (== netstandard2.1)
      Microsoft.NETCore.Platforms (>= 1.0.1) - restriction: || (&& (== net461) (< net45)) (== net50) (== netstandard2.0) (== netstandard2.1)
      Microsoft.NETCore.Targets (>= 1.0.1) - restriction: || (&& (== net461) (< net45)) (== net50) (== netstandard2.0) (== netstandard2.1)
      System.Runtime (>= 4.1) - restriction: || (&& (== net461) (< net45)) (== net50) (== netstandard2.0) (== netstandard2.1)
    System.Diagnostics.Tracing (4.3) - restriction: || (&& (== net461) (< net45)) (== net50) (== netstandard2.0) (== netstandard2.1)
      Microsoft.NETCore.Platforms (>= 1.1) - restriction: || (&& (== net461) (< net45)) (== net50) (== netstandard2.0) (== netstandard2.1)
      Microsoft.NETCore.Targets (>= 1.1) - restriction: || (&& (== net461) (< net45)) (== net50) (== netstandard2.0) (== netstandard2.1)
      System.Runtime (>= 4.3) - restriction: || (&& (== net461) (< net45)) (== net50) (== netstandard2.0) (== netstandard2.1)
    System.Drawing.Common (4.7) - restriction: || (&& (== net461) (>= netcoreapp3.0)) (== net50) (&& (== netstandard2.0) (>= netcoreapp3.0)) (&& (== netstandard2.1) (>= netcoreapp3.0))
      Microsoft.NETCore.Platforms (>= 3.1) - restriction: || (&& (== net461) (>= netcoreapp2.0)) (&& (== net461) (>= netcoreapp3.0)) (== net50) (&& (== netstandard2.0) (>= netcoreapp2.0)) (&& (== netstandard2.0) (>= netcoreapp3.0)) (&& (== netstandard2.1) (>= netcoreapp2.0)) (&& (== netstandard2.1) (>= netcoreapp3.0))
      Microsoft.Win32.SystemEvents (>= 4.7) - restriction: || (&& (== net461) (>= netcoreapp2.0)) (&& (== net461) (>= netcoreapp3.0)) (== net50) (&& (== netstandard2.0) (>= netcoreapp2.0)) (&& (== netstandard2.0) (>= netcoreapp3.0)) (&& (== netstandard2.1) (>= netcoreapp2.0)) (&& (== netstandard2.1) (>= netcoreapp3.0))
    System.Dynamic.Runtime (4.0.11) - restriction: || (&& (== net461) (< net451)) (== net50) (== netstandard2.0) (== netstandard2.1)
      System.Collections (>= 4.0.11) - restriction: || (&& (== net461) (< net45)) (== net50) (== netstandard2.0) (== netstandard2.1)
      System.Diagnostics.Debug (>= 4.0.11) - restriction: || (&& (== net461) (< net45)) (== net50) (== netstandard2.0) (== netstandard2.1)
      System.Globalization (>= 4.0.11) - restriction: || (&& (== net461) (< net45)) (== net50) (== netstandard2.0) (== netstandard2.1)
      System.Linq (>= 4.1) - restriction: || (&& (== net461) (< net45)) (== net50) (== netstandard2.0) (== netstandard2.1)
      System.Linq.Expressions (>= 4.1) - restriction: || (&& (== net461) (< net45)) (== net50) (== netstandard2.0) (== netstandard2.1)
      System.ObjectModel (>= 4.0.12) - restriction: || (&& (== net461) (< net45)) (== net50) (== netstandard2.0) (== netstandard2.1)
      System.Reflection (>= 4.1) - restriction: || (&& (== net461) (< net45)) (== net50) (== netstandard2.0) (== netstandard2.1)
      System.Reflection.Emit (>= 4.0.1) - restriction: || (&& (== net461) (< net45)) (== net50) (== netstandard2.0) (== netstandard2.1)
      System.Reflection.Emit.ILGeneration (>= 4.0.1) - restriction: || (&& (== net461) (< net45)) (== net50) (== netstandard2.0) (== netstandard2.1)
      System.Reflection.Primitives (>= 4.0.1) - restriction: || (&& (== net461) (< net45)) (== net50) (== netstandard2.0) (== netstandard2.1)
      System.Reflection.TypeExtensions (>= 4.1) - restriction: || (&& (== net461) (< net45)) (== net50) (== netstandard2.0) (== netstandard2.1)
      System.Resources.ResourceManager (>= 4.0.1) - restriction: || (&& (== net461) (< net45)) (== net50) (== netstandard2.0) (== netstandard2.1)
      System.Runtime (>= 4.1) - restriction: || (&& (== net461) (< net45)) (== net50) (== netstandard2.0) (== netstandard2.1)
      System.Runtime.Extensions (>= 4.1) - restriction: || (&& (== net461) (< net45)) (== net50) (== netstandard2.0) (== netstandard2.1)
      System.Threading (>= 4.0.11) - restriction: || (&& (== net461) (< net45)) (== net50) (== netstandard2.0) (== netstandard2.1)
    System.Globalization (4.3) - restriction: || (&& (== net461) (< net45)) (== net50) (== netstandard2.0) (== netstandard2.1)
      Microsoft.NETCore.Platforms (>= 1.1) - restriction: || (&& (== net461) (< net45)) (== net50) (== netstandard2.0) (== netstandard2.1)
      Microsoft.NETCore.Targets (>= 1.1) - restriction: || (&& (== net461) (< net45)) (== net50) (== netstandard2.0) (== netstandard2.1)
      System.Runtime (>= 4.3) - restriction: || (&& (== net461) (< net45)) (== net50) (== netstandard2.0) (== netstandard2.1)
    System.Globalization.Calendars (4.3) - restriction: || (&& (== net461) (< net46) (>= netstandard1.6)) (== net50) (== netstandard2.0) (== netstandard2.1)
      Microsoft.NETCore.Platforms (>= 1.1) - restriction: || (&& (== net461) (< net46)) (== net50) (== netstandard2.0) (== netstandard2.1)
      Microsoft.NETCore.Targets (>= 1.1) - restriction: || (&& (== net461) (< net46)) (== net50) (== netstandard2.0) (== netstandard2.1)
      System.Globalization (>= 4.3) - restriction: || (&& (== net461) (< net46)) (== net50) (== netstandard2.0) (== netstandard2.1)
      System.Runtime (>= 4.3) - restriction: || (&& (== net461) (< net46)) (== net50) (== netstandard2.0) (== netstandard2.1)
    System.Globalization.Extensions (4.3) - restriction: || (&& (== net461) (< net45) (>= netstandard1.6)) (== net50) (== netstandard2.0) (== netstandard2.1)
      Microsoft.NETCore.Platforms (>= 1.1) - restriction: || (&& (== net461) (< net46)) (== net50) (== netstandard2.0) (== netstandard2.1)
      System.Globalization (>= 4.3) - restriction: || (&& (== net461) (< net46)) (== net50) (== netstandard2.0) (== netstandard2.1)
      System.Resources.ResourceManager (>= 4.3) - restriction: || (&& (== net461) (< net46)) (== net50) (== netstandard2.0) (== netstandard2.1)
      System.Runtime (>= 4.3) - restriction: || (&& (== net461) (< net46)) (== net50) (== netstandard2.0) (== netstandard2.1)
      System.Runtime.Extensions (>= 4.3) - restriction: || (&& (== net461) (< net46)) (== net50) (== netstandard2.0) (== netstandard2.1)
      System.Runtime.InteropServices (>= 4.3) - restriction: || (&& (== net461) (< net46)) (== net50) (== netstandard2.0) (== netstandard2.1)
    System.IO (4.3) - restriction: || (&& (== net461) (< net45)) (== net50) (== netstandard2.0) (== netstandard2.1)
      Microsoft.NETCore.Platforms (>= 1.1) - restriction: || (&& (== net461) (< net45)) (== net50) (== netstandard2.0) (== netstandard2.1)
      Microsoft.NETCore.Targets (>= 1.1) - restriction: || (&& (== net461) (< net45)) (== net50) (== netstandard2.0) (== netstandard2.1)
      System.Runtime (>= 4.3) - restriction: || (&& (== net461) (< net45)) (== net50) (== netstandard2.0) (== netstandard2.1)
      System.Text.Encoding (>= 4.3) - restriction: || (&& (== net461) (< net45)) (== net50) (== netstandard2.0) (== netstandard2.1)
      System.Threading.Tasks (>= 4.3) - restriction: || (&& (== net461) (< net45)) (== net50) (== netstandard2.0) (== netstandard2.1)
    System.IO.FileSystem (4.3) - restriction: || (&& (== net461) (< net45) (>= netstandard1.6)) (== net50) (== netstandard2.0) (== netstandard2.1)
      Microsoft.NETCore.Platforms (>= 1.1) - restriction: || (&& (== net461) (< net46)) (== net50) (== netstandard2.0) (== netstandard2.1)
      Microsoft.NETCore.Targets (>= 1.1) - restriction: || (&& (== net461) (< net46)) (== net50) (== netstandard2.0) (== netstandard2.1)
      System.IO (>= 4.3) - restriction: || (&& (== net461) (< net46)) (== net50) (== netstandard2.0) (== netstandard2.1)
      System.IO.FileSystem.Primitives (>= 4.3)
      System.Runtime (>= 4.3) - restriction: || (&& (== net461) (< net46)) (== net50) (== netstandard2.0) (== netstandard2.1)
      System.Runtime.Handles (>= 4.3) - restriction: || (&& (== net461) (< net46)) (== net50) (== netstandard2.0) (== netstandard2.1)
      System.Text.Encoding (>= 4.3) - restriction: || (&& (== net461) (< net46)) (== net50) (== netstandard2.0) (== netstandard2.1)
      System.Threading.Tasks (>= 4.3) - restriction: || (&& (== net461) (< net46)) (== net50) (== netstandard2.0) (== netstandard2.1)
    System.IO.FileSystem.Primitives (4.3) - restriction: || (&& (== net461) (< net45) (>= netstandard1.6)) (== net50) (== netstandard2.0) (== netstandard2.1)
      System.Runtime (>= 4.3) - restriction: || (&& (== net461) (< net46)) (== net50) (== netstandard2.0) (== netstandard2.1)
    System.Linq (4.3) - restriction: || (&& (== net461) (< net45)) (== net50) (== netstandard2.0) (== netstandard2.1)
      System.Collections (>= 4.3) - restriction: || (&& (== net461) (< net45)) (== net50) (== netstandard2.0) (== netstandard2.1)
      System.Diagnostics.Debug (>= 4.3) - restriction: || (&& (== net461) (< net45) (>= netstandard1.6)) (== net50) (== netstandard2.0) (== netstandard2.1)
      System.Resources.ResourceManager (>= 4.3) - restriction: || (&& (== net461) (< net45) (>= netstandard1.6)) (== net50) (== netstandard2.0) (== netstandard2.1)
      System.Runtime (>= 4.3) - restriction: || (&& (== net461) (< net45)) (== net50) (== netstandard2.0) (== netstandard2.1)
      System.Runtime.Extensions (>= 4.3) - restriction: || (&& (== net461) (< net45) (>= netstandard1.6)) (== net50) (== netstandard2.0) (== netstandard2.1)
    System.Linq.Expressions (4.1) - restriction: || (&& (== net461) (< net45) (>= netstandard1.6)) (== net50) (== netstandard2.0) (== netstandard2.1)
      System.Collections (>= 4.0.11) - restriction: || (&& (== net461) (< net45) (>= netstandard1.6)) (== net50) (== netstandard2.0) (== netstandard2.1)
      System.Diagnostics.Debug (>= 4.0.11) - restriction: || (&& (== net461) (< net45) (>= netstandard1.6)) (== net50) (== netstandard2.0) (== netstandard2.1)
      System.Globalization (>= 4.0.11) - restriction: || (&& (== net461) (< net45) (>= netstandard1.6)) (== net50) (== netstandard2.0) (== netstandard2.1)
      System.IO (>= 4.1) - restriction: || (&& (== net461) (< net45) (>= netstandard1.6)) (== net50) (== netstandard2.0) (== netstandard2.1)
      System.Linq (>= 4.1) - restriction: || (&& (== net461) (< net45) (>= netstandard1.6)) (== net50) (== netstandard2.0) (== netstandard2.1)
      System.ObjectModel (>= 4.0.12) - restriction: || (&& (== net461) (< net45) (>= netstandard1.6)) (== net50) (== netstandard2.0) (== netstandard2.1)
      System.Reflection (>= 4.1) - restriction: || (&& (== net461) (< net45)) (== net50) (== netstandard2.0) (== netstandard2.1)
      System.Reflection.Emit (>= 4.0.1) - restriction: || (&& (== net461) (< net45) (>= netstandard1.6)) (== net50) (== netstandard2.0) (== netstandard2.1)
      System.Reflection.Emit.ILGeneration (>= 4.0.1) - restriction: || (&& (== net461) (< net45) (>= netstandard1.6)) (== net50) (== netstandard2.0) (== netstandard2.1)
      System.Reflection.Emit.Lightweight (>= 4.0.1) - restriction: || (&& (== net461) (< net45) (>= netstandard1.6)) (== net50) (== netstandard2.0) (== netstandard2.1)
      System.Reflection.Extensions (>= 4.0.1) - restriction: || (&& (== net461) (< net45) (>= netstandard1.6)) (== net50) (== netstandard2.0) (== netstandard2.1)
      System.Reflection.Primitives (>= 4.0.1) - restriction: || (&& (== net461) (< net45) (>= netstandard1.6)) (== net50) (== netstandard2.0) (== netstandard2.1)
      System.Reflection.TypeExtensions (>= 4.1) - restriction: || (&& (== net461) (< net45) (>= netstandard1.6)) (== net50) (== netstandard2.0) (== netstandard2.1)
      System.Resources.ResourceManager (>= 4.0.1) - restriction: || (&& (== net461) (< net45) (>= netstandard1.6)) (== net50) (== netstandard2.0) (== netstandard2.1)
      System.Runtime (>= 4.1) - restriction: || (&& (== net461) (< net45)) (== net50) (== netstandard2.0) (== netstandard2.1)
      System.Runtime.Extensions (>= 4.1) - restriction: || (&& (== net461) (< net45) (>= netstandard1.6)) (== net50) (== netstandard2.0) (== netstandard2.1)
      System.Threading (>= 4.0.11) - restriction: || (&& (== net461) (< net45) (>= netstandard1.6)) (== net50) (== netstandard2.0) (== netstandard2.1)
    System.Linq.Queryable (4.0.1) - restriction: || (&& (== net461) (< net45) (>= netstandard1.6)) (== net50) (== netstandard2.0) (== netstandard2.1)
      System.Collections (>= 4.0.11) - restriction: || (&& (== net461) (< net45)) (== net50) (== netstandard2.0) (== netstandard2.1)
      System.Diagnostics.Debug (>= 4.0.11) - restriction: || (&& (== net461) (< net45)) (== net50) (== netstandard2.0) (== netstandard2.1)
      System.Linq (>= 4.1) - restriction: || (&& (== net461) (< net45)) (== net50) (== netstandard2.0) (== netstandard2.1)
      System.Linq.Expressions (>= 4.1) - restriction: || (&& (== net461) (< net45)) (== net50) (== netstandard2.0) (== netstandard2.1)
      System.Reflection (>= 4.1) - restriction: || (&& (== net461) (< net45)) (== net50) (== netstandard2.0) (== netstandard2.1)
      System.Reflection.Extensions (>= 4.0.1) - restriction: || (&& (== net461) (< net45)) (== net50) (== netstandard2.0) (== netstandard2.1)
      System.Resources.ResourceManager (>= 4.0.1) - restriction: || (&& (== net461) (< net45)) (== net50) (== netstandard2.0) (== netstandard2.1)
      System.Runtime (>= 4.1) - restriction: || (&& (== net461) (< net45)) (== net50) (== netstandard2.0) (== netstandard2.1)
    System.Memory (4.5.4) - restriction: || (&& (== net461) (>= netstandard2.0)) (== net50) (== netstandard2.0) (== netstandard2.1)
      System.Buffers (>= 4.5.1) - restriction: || (== net461) (&& (== net50) (>= monotouch)) (&& (== net50) (>= net461)) (&& (== net50) (< netcoreapp2.0)) (&& (== net50) (< netstandard1.1)) (&& (== net50) (< netstandard2.0)) (&& (== net50) (>= xamarinios)) (&& (== net50) (>= xamarinmac)) (&& (== net50) (>= xamarintvos)) (&& (== net50) (>= xamarinwatchos)) (== netstandard2.0) (== netstandard2.1)
      System.Numerics.Vectors (>= 4.4) - restriction: || (&& (== net461) (< net45) (>= netstandard2.0)) (&& (== net50) (< netcoreapp2.0)) (== netstandard2.0) (== netstandard2.1)
      System.Runtime.CompilerServices.Unsafe (>= 4.5.3) - restriction: || (== net461) (&& (== net50) (>= monotouch)) (&& (== net50) (>= net461)) (&& (== net50) (< netcoreapp2.0)) (&& (== net50) (< netcoreapp2.1)) (&& (== net50) (< netstandard1.1)) (&& (== net50) (< netstandard2.0)) (&& (== net50) (>= uap10.1)) (&& (== net50) (>= xamarinios)) (&& (== net50) (>= xamarinmac)) (&& (== net50) (>= xamarintvos)) (&& (== net50) (>= xamarinwatchos)) (== netstandard2.0) (== netstandard2.1)
    System.Net.Http (4.3.4)
      Microsoft.NETCore.Platforms (>= 1.1.1) - restriction: || (&& (== net461) (< net45)) (== net50) (== netstandard2.0) (== netstandard2.1)
      runtime.native.System (>= 4.3) - restriction: || (&& (== net461) (< net45) (>= netstandard1.6)) (== net50) (== netstandard2.0) (== netstandard2.1)
      runtime.native.System.Net.Http (>= 4.3) - restriction: || (&& (== net461) (< net45) (>= netstandard1.6)) (== net50) (== netstandard2.0) (== netstandard2.1)
      runtime.native.System.Security.Cryptography.OpenSsl (>= 4.3.2) - restriction: || (&& (== net461) (< net45) (>= netstandard1.6)) (== net50) (== netstandard2.0) (== netstandard2.1)
      System.Collections (>= 4.3) - restriction: || (&& (== net461) (< net45)) (== net50) (== netstandard2.0) (== netstandard2.1)
      System.Diagnostics.Debug (>= 4.3) - restriction: || (&& (== net461) (< net45)) (== net50) (== netstandard2.0) (== netstandard2.1)
      System.Diagnostics.DiagnosticSource (>= 4.3) - restriction: || (&& (== net461) (< net45)) (== net50) (== netstandard2.0) (== netstandard2.1)
      System.Diagnostics.Tracing (>= 4.3) - restriction: || (&& (== net461) (< net45)) (== net50) (== netstandard2.0) (== netstandard2.1)
      System.Globalization (>= 4.3) - restriction: || (&& (== net461) (< net45)) (== net50) (== netstandard2.0) (== netstandard2.1)
      System.Globalization.Extensions (>= 4.3) - restriction: || (&& (== net461) (< net45) (>= netstandard1.6)) (== net50) (== netstandard2.0) (== netstandard2.1)
      System.IO (>= 4.3) - restriction: || (&& (== net461) (< net45)) (== net50) (== netstandard2.0) (== netstandard2.1)
      System.IO.FileSystem (>= 4.3) - restriction: || (&& (== net461) (< net45) (>= netstandard1.6)) (== net50) (== netstandard2.0) (== netstandard2.1)
      System.Net.Primitives (>= 4.3) - restriction: || (&& (== net461) (< net45)) (== net50) (== netstandard2.0) (== netstandard2.1)
      System.Resources.ResourceManager (>= 4.3) - restriction: || (&& (== net461) (< net45)) (== net50) (== netstandard2.0) (== netstandard2.1)
      System.Runtime (>= 4.3) - restriction: || (&& (== net461) (< net45)) (== net50) (== netstandard2.0) (== netstandard2.1)
      System.Runtime.Extensions (>= 4.3) - restriction: || (&& (== net461) (< net45)) (== net50) (== netstandard2.0) (== netstandard2.1)
      System.Runtime.Handles (>= 4.3) - restriction: || (&& (== net461) (< net45)) (== net50) (== netstandard2.0) (== netstandard2.1)
      System.Runtime.InteropServices (>= 4.3) - restriction: || (&& (== net461) (< net45)) (== net50) (== netstandard2.0) (== netstandard2.1)
      System.Security.Cryptography.Algorithms (>= 4.3) - restriction: || (&& (== net461) (< net45) (>= netstandard1.6)) (== net50) (== netstandard2.0) (== netstandard2.1)
      System.Security.Cryptography.Encoding (>= 4.3) - restriction: || (&& (== net461) (< net45)) (== net50) (== netstandard2.0) (== netstandard2.1)
      System.Security.Cryptography.OpenSsl (>= 4.3) - restriction: || (&& (== net461) (< net45) (>= netstandard1.6)) (== net50) (== netstandard2.0) (== netstandard2.1)
      System.Security.Cryptography.Primitives (>= 4.3) - restriction: || (&& (== net461) (< net45) (>= netstandard1.6)) (== net50) (== netstandard2.0) (== netstandard2.1)
      System.Security.Cryptography.X509Certificates (>= 4.3)
      System.Text.Encoding (>= 4.3) - restriction: || (&& (== net461) (< net45)) (== net50) (== netstandard2.0) (== netstandard2.1)
      System.Threading (>= 4.3) - restriction: || (&& (== net461) (< net45)) (== net50) (== netstandard2.0) (== netstandard2.1)
      System.Threading.Tasks (>= 4.3) - restriction: || (&& (== net461) (< net45)) (== net50) (== netstandard2.0) (== netstandard2.1)
    System.Net.Primitives (4.3) - restriction: || (&& (== net461) (< net45)) (== net50) (== netstandard2.0) (== netstandard2.1)
      Microsoft.NETCore.Platforms (>= 1.1) - restriction: || (&& (== net461) (< net45)) (&& (== net461) (< netstandard1.1)) (== net50) (== netstandard2.0) (== netstandard2.1)
      Microsoft.NETCore.Targets (>= 1.1) - restriction: || (&& (== net461) (< net45)) (&& (== net461) (< netstandard1.1)) (== net50) (== netstandard2.0) (== netstandard2.1)
      System.Runtime (>= 4.3) - restriction: || (&& (== net461) (< net45)) (&& (== net461) (< netstandard1.1)) (== net50) (== netstandard2.0) (== netstandard2.1)
      System.Runtime.Handles (>= 4.3) - restriction: || (&& (== net461) (< net45)) (== net50) (== netstandard2.0) (== netstandard2.1)
    System.Net.Requests (4.0.11) - restriction: || (&& (== net461) (< net45) (>= netstandard1.6)) (== net50) (== netstandard2.0) (== netstandard2.1)
      Microsoft.NETCore.Platforms (>= 1.0.1) - restriction: || (&& (== net461) (< net45)) (== net50) (== netstandard2.0) (== netstandard2.1)
      System.Collections (>= 4.0.11) - restriction: || (&& (== net461) (< net45)) (== net50) (== netstandard2.0) (== netstandard2.1)
      System.Diagnostics.Debug (>= 4.0.11) - restriction: || (&& (== net461) (< net45)) (== net50) (== netstandard2.0) (== netstandard2.1)
      System.Diagnostics.Tracing (>= 4.1) - restriction: || (&& (== net461) (< net45)) (== net50) (== netstandard2.0) (== netstandard2.1)
      System.Globalization (>= 4.0.11) - restriction: || (&& (== net461) (< net45)) (== net50) (== netstandard2.0) (== netstandard2.1)
      System.IO (>= 4.1) - restriction: || (&& (== net461) (< net45)) (&& (== net461) (< netstandard1.1)) (== net50) (== netstandard2.0) (== netstandard2.1)
      System.Net.Http (>= 4.1) - restriction: || (&& (== net461) (< net45)) (== net50) (== netstandard2.0) (== netstandard2.1)
      System.Net.Primitives (>= 4.0.11) - restriction: || (&& (== net461) (< net45)) (&& (== net461) (< netstandard1.1)) (== net50) (== netstandard2.0) (== netstandard2.1)
      System.Net.WebHeaderCollection (>= 4.0.1) - restriction: || (&& (== net461) (< net45)) (== net50) (== netstandard2.0) (== netstandard2.1)
      System.Resources.ResourceManager (>= 4.0.1) - restriction: || (&& (== net461) (< net45)) (== net50) (== netstandard2.0) (== netstandard2.1)
      System.Runtime (>= 4.1) - restriction: || (&& (== net461) (< net45)) (&& (== net461) (< netstandard1.1)) (== net50) (== netstandard2.0) (== netstandard2.1)
      System.Threading (>= 4.0.11) - restriction: || (&& (== net461) (< net45)) (== net50) (== netstandard2.0) (== netstandard2.1)
      System.Threading.Tasks (>= 4.0.11) - restriction: || (&& (== net461) (< net45)) (== net50) (== netstandard2.0) (== netstandard2.1)
    System.Net.WebHeaderCollection (4.0.1) - restriction: || (&& (== net461) (< net45) (>= netstandard1.6)) (== net50) (== netstandard2.0) (== netstandard2.1)
      System.Collections (>= 4.0.11) - restriction: || (&& (== net461) (< net46)) (== net50) (== netstandard2.0) (== netstandard2.1)
      System.Resources.ResourceManager (>= 4.0.1) - restriction: || (&& (== net461) (< net46)) (== net50) (== netstandard2.0) (== netstandard2.1)
      System.Runtime (>= 4.1) - restriction: || (&& (== net461) (< net46)) (== net50) (== netstandard2.0) (== netstandard2.1)
      System.Runtime.Extensions (>= 4.1) - restriction: || (&& (== net461) (< net46)) (== net50) (== netstandard2.0) (== netstandard2.1)
    System.Numerics.Vectors (4.4) - restriction: || (&& (== net461) (== net50)) (&& (== net461) (< net45) (>= netstandard2.0)) (&& (== net50) (< netcoreapp2.0)) (== netstandard2.0) (== netstandard2.1)
    System.ObjectModel (4.0.12) - restriction: || (&& (== net461) (< net20)) (== net50) (== netstandard2.0) (== netstandard2.1)
      System.Collections (>= 4.0.11) - restriction: || (&& (== net461) (< net45)) (== net50) (== netstandard2.0) (== netstandard2.1)
      System.Diagnostics.Debug (>= 4.0.11) - restriction: || (&& (== net461) (< net45)) (== net50) (== netstandard2.0) (== netstandard2.1)
      System.Resources.ResourceManager (>= 4.0.1) - restriction: || (&& (== net461) (< net45)) (== net50) (== netstandard2.0) (== netstandard2.1)
      System.Runtime (>= 4.1) - restriction: || (&& (== net461) (< net45)) (== net50) (== netstandard2.0) (== netstandard2.1)
      System.Threading (>= 4.0.11) - restriction: || (&& (== net461) (< net45)) (== net50) (== netstandard2.0) (== netstandard2.1)
    System.Reflection (4.3) - restriction: || (&& (== net461) (< net45)) (== net50) (== netstandard2.0) (== netstandard2.1)
      Microsoft.NETCore.Platforms (>= 1.1) - restriction: || (&& (== net461) (< net45)) (== net50) (== netstandard2.0) (== netstandard2.1)
      Microsoft.NETCore.Targets (>= 1.1) - restriction: || (&& (== net461) (< net45)) (== net50) (== netstandard2.0) (== netstandard2.1)
      System.IO (>= 4.3) - restriction: || (&& (== net461) (< net45)) (== net50) (== netstandard2.0) (== netstandard2.1)
      System.Reflection.Primitives (>= 4.3) - restriction: || (&& (== net461) (< net45)) (== net50) (== netstandard2.0) (== netstandard2.1)
      System.Runtime (>= 4.3) - restriction: || (&& (== net461) (< net45)) (== net50) (== netstandard2.0) (== netstandard2.1)
    System.Reflection.Emit (4.0.1) - restriction: || (&& (== net461) (< net45) (>= netstandard1.6)) (== net50) (== netstandard2.0) (== netstandard2.1)
      System.IO (>= 4.1) - restriction: || (&& (== net461) (< net45)) (== net50) (== netstandard2.0) (== netstandard2.1)
      System.Reflection (>= 4.1) - restriction: || (&& (== net461) (< net45)) (== net50) (== netstandard2.0) (== netstandard2.1)
      System.Reflection.Emit.ILGeneration (>= 4.0.1) - restriction: || (&& (== net461) (>= monotouch)) (&& (== net461) (< net45)) (&& (== net461) (>= xamarinios)) (&& (== net461) (>= xamarintvos)) (&& (== net461) (>= xamarinwatchos)) (== net50) (== netstandard2.0) (== netstandard2.1)
      System.Reflection.Primitives (>= 4.0.1) - restriction: || (&& (== net461) (< net45)) (== net50) (== netstandard2.0) (== netstandard2.1)
      System.Runtime (>= 4.1) - restriction: || (&& (== net461) (< net45)) (== net50) (== netstandard2.0) (== netstandard2.1)
    System.Reflection.Emit.ILGeneration (4.3) - restriction: || (&& (== net461) (< net45)) (== net50) (== netstandard2.0) (== netstandard2.1)
      System.Reflection (>= 4.3) - restriction: || (&& (== net461) (< net45)) (== net50) (== netstandard2.0) (== netstandard2.1)
      System.Reflection.Primitives (>= 4.3) - restriction: || (&& (== net461) (< net45)) (== net50) (== netstandard2.0) (== netstandard2.1)
      System.Runtime (>= 4.3) - restriction: || (&& (== net461) (< net45)) (== net50) (== netstandard2.0) (== netstandard2.1)
    System.Reflection.Emit.Lightweight (4.3)
      System.Reflection (>= 4.3) - restriction: || (&& (== net461) (< net45)) (== net50) (== netstandard2.0) (== netstandard2.1)
      System.Reflection.Emit.ILGeneration (>= 4.3) - restriction: || (&& (== net461) (< net45)) (== net50) (== netstandard2.0) (== netstandard2.1)
      System.Reflection.Primitives (>= 4.3) - restriction: || (&& (== net461) (< net45)) (== net50) (== netstandard2.0) (== netstandard2.1)
      System.Runtime (>= 4.3) - restriction: || (&& (== net461) (< net45)) (== net50) (== netstandard2.0) (== netstandard2.1)
    System.Reflection.Extensions (4.0.1) - restriction: || (&& (== net461) (< net45) (>= netstandard1.6)) (== net50) (== netstandard2.0) (== netstandard2.1)
      Microsoft.NETCore.Platforms (>= 1.0.1) - restriction: || (&& (== net461) (< net45)) (== net50) (== netstandard2.0) (== netstandard2.1)
      Microsoft.NETCore.Targets (>= 1.0.1) - restriction: || (&& (== net461) (< net45)) (== net50) (== netstandard2.0) (== netstandard2.1)
      System.Reflection (>= 4.1) - restriction: || (&& (== net461) (< net45)) (== net50) (== netstandard2.0) (== netstandard2.1)
      System.Runtime (>= 4.1) - restriction: || (&& (== net461) (< net45)) (== net50) (== netstandard2.0) (== netstandard2.1)
    System.Reflection.Metadata (5.0) - restriction: || (&& (== net461) (>= netstandard2.0)) (== net50) (== netstandard2.0) (== netstandard2.1)
      System.Collections.Immutable (>= 5.0) - restriction: || (== net461) (&& (== net50) (>= net461)) (&& (== net50) (< netstandard1.1)) (&& (== net50) (< netstandard2.0)) (== netstandard2.0) (== netstandard2.1)
    System.Reflection.Primitives (4.3) - restriction: || (&& (== net461) (< net45)) (== net50) (== netstandard2.0) (== netstandard2.1)
      Microsoft.NETCore.Platforms (>= 1.1) - restriction: || (&& (== net461) (< net45)) (== net50) (== netstandard2.0) (== netstandard2.1)
      Microsoft.NETCore.Targets (>= 1.1) - restriction: || (&& (== net461) (< net45)) (== net50) (== netstandard2.0) (== netstandard2.1)
      System.Runtime (>= 4.3) - restriction: || (&& (== net461) (< net45)) (== net50) (== netstandard2.0) (== netstandard2.1)
    System.Reflection.TypeExtensions (4.1) - restriction: || (&& (== net461) (< net45) (>= netstandard1.6)) (== net50) (== netstandard2.0) (== netstandard2.1)
      System.Reflection (>= 4.1) - restriction: || (&& (== net461) (< net46)) (&& (== net461) (>= net462)) (== net50) (== netstandard2.0) (== netstandard2.1)
      System.Runtime (>= 4.1) - restriction: || (&& (== net461) (< net46)) (== net50) (== netstandard2.0) (== netstandard2.1)
    System.Resources.ResourceManager (4.3) - restriction: || (&& (== net461) (< net45)) (== net50) (== netstandard2.0) (== netstandard2.1)
      Microsoft.NETCore.Platforms (>= 1.1) - restriction: || (&& (== net461) (< net45)) (== net50) (== netstandard2.0) (== netstandard2.1)
      Microsoft.NETCore.Targets (>= 1.1) - restriction: || (&& (== net461) (< net45)) (== net50) (== netstandard2.0) (== netstandard2.1)
      System.Globalization (>= 4.3) - restriction: || (&& (== net461) (< net45)) (== net50) (== netstandard2.0) (== netstandard2.1)
      System.Reflection (>= 4.3) - restriction: || (&& (== net461) (< net45)) (== net50) (== netstandard2.0) (== netstandard2.1)
      System.Runtime (>= 4.3) - restriction: || (&& (== net461) (< net45)) (== net50) (== netstandard2.0) (== netstandard2.1)
    System.Runtime (4.3.1) - restriction: || (&& (== net461) (< net45)) (&& (== net461) (>= netcoreapp1.1)) (== net50) (== netstandard2.0) (== netstandard2.1)
      Microsoft.NETCore.Platforms (>= 1.1.1) - restriction: || (&& (== net461) (< net45)) (== net50) (== netstandard2.0) (== netstandard2.1)
      Microsoft.NETCore.Targets (>= 1.1.3) - restriction: || (&& (== net461) (< net45)) (== net50) (== netstandard2.0) (== netstandard2.1)
    System.Runtime.CompilerServices.Unsafe (5.0) - restriction: || (&& (== net461) (>= netcoreapp2.0)) (&& (== net461) (>= netstandard2.0)) (&& (== net461) (>= xamarinios)) (&& (== net461) (>= xamarinmac)) (== net50) (== netstandard2.0) (== netstandard2.1)
    System.Runtime.Extensions (4.3.1) - restriction: || (&& (== net461) (< net45)) (== net50) (== netstandard2.0) (== netstandard2.1)
      Microsoft.NETCore.Platforms (>= 1.1.1) - restriction: || (&& (== net461) (< net45)) (== net50) (== netstandard2.0) (== netstandard2.1)
      Microsoft.NETCore.Targets (>= 1.1.3) - restriction: || (&& (== net461) (< net45)) (== net50) (== netstandard2.0) (== netstandard2.1)
      System.Runtime (>= 4.3.1) - restriction: || (&& (== net461) (< net45)) (== net50) (== netstandard2.0) (== netstandard2.1)
    System.Runtime.Handles (4.3) - restriction: || (&& (== net461) (< net45)) (== net50) (== netstandard2.0) (== netstandard2.1)
      Microsoft.NETCore.Platforms (>= 1.1) - restriction: || (&& (== net461) (< net46)) (== net50) (== netstandard2.0) (== netstandard2.1)
      Microsoft.NETCore.Targets (>= 1.1) - restriction: || (&& (== net461) (< net46)) (== net50) (== netstandard2.0) (== netstandard2.1)
      System.Runtime (>= 4.3) - restriction: || (&& (== net461) (< net46)) (== net50) (== netstandard2.0) (== netstandard2.1)
    System.Runtime.InteropServices (4.3) - restriction: || (&& (== net461) (< net45)) (== net50) (== netstandard2.0) (== netstandard2.1)
      Microsoft.NETCore.Platforms (>= 1.1) - restriction: || (&& (== net461) (< net45)) (&& (== net461) (>= netcoreapp1.1)) (== net50) (== netstandard2.0) (== netstandard2.1)
      Microsoft.NETCore.Targets (>= 1.1) - restriction: || (&& (== net461) (< net45)) (&& (== net461) (>= netcoreapp1.1)) (== net50) (== netstandard2.0) (== netstandard2.1)
      System.Reflection (>= 4.3) - restriction: || (&& (== net461) (< net45)) (&& (== net461) (>= netcoreapp1.1)) (== net50) (== netstandard2.0) (== netstandard2.1)
      System.Reflection.Primitives (>= 4.3) - restriction: || (&& (== net461) (< net45)) (&& (== net461) (>= netcoreapp1.1)) (== net50) (== netstandard2.0) (== netstandard2.1)
      System.Runtime (>= 4.3) - restriction: || (&& (== net461) (< net45)) (&& (== net461) (>= net462)) (&& (== net461) (>= netcoreapp1.1)) (== net50) (== netstandard2.0) (== netstandard2.1)
      System.Runtime.Handles (>= 4.3) - restriction: || (&& (== net461) (< net45)) (&& (== net461) (>= netcoreapp1.1)) (== net50) (== netstandard2.0) (== netstandard2.1)
    System.Runtime.InteropServices.RuntimeInformation (4.0) - restriction: || (&& (== net461) (< net45)) (== net50) (== netstandard2.0) (== netstandard2.1)
      Microsoft.NETCore.Platforms (>= 1.0.1) - restriction: || (&& (== net461) (< net45)) (== net50) (== netstandard2.0) (== netstandard2.1)
      runtime.native.System (>= 4.0) - restriction: || (&& (== net461) (< net45)) (== net50) (== netstandard2.0) (== netstandard2.1)
      System.Reflection (>= 4.1) - restriction: || (&& (== net461) (< net45)) (== net50) (== netstandard2.0) (== netstandard2.1)
      System.Resources.ResourceManager (>= 4.0.1) - restriction: || (&& (== net461) (< net45)) (== net50) (== netstandard2.0) (== netstandard2.1)
      System.Runtime (>= 4.1) - restriction: || (&& (== net461) (< net45)) (== net50) (== netstandard2.0) (== netstandard2.1)
      System.Runtime.InteropServices (>= 4.1) - restriction: || (&& (== net461) (< net45)) (== net50) (== netstandard2.0) (== netstandard2.1)
      System.Threading (>= 4.0.11) - restriction: || (&& (== net461) (< net45)) (== net50) (== netstandard2.0) (== netstandard2.1)
    System.Runtime.Numerics (4.3) - restriction: || (&& (== net461) (< net45) (>= netstandard1.6)) (== net50) (== netstandard2.0) (== netstandard2.1)
      System.Globalization (>= 4.3) - restriction: || (&& (== net461) (< net45)) (== net50) (== netstandard2.0) (== netstandard2.1)
      System.Resources.ResourceManager (>= 4.3) - restriction: || (&& (== net461) (< net45)) (== net50) (== netstandard2.0) (== netstandard2.1)
      System.Runtime (>= 4.3) - restriction: || (&& (== net461) (< net45)) (== net50) (== netstandard2.0) (== netstandard2.1)
      System.Runtime.Extensions (>= 4.3) - restriction: || (&& (== net461) (< net45)) (== net50) (== netstandard2.0) (== netstandard2.1)
    System.Runtime.Serialization.Primitives (4.1.1) - restriction: || (&& (== net461) (< net20)) (== net50) (== netstandard2.0) (== netstandard2.1)
      System.Resources.ResourceManager (>= 4.0.1) - restriction: || (&& (== net461) (< net45)) (== net50) (== netstandard2.0) (== netstandard2.1)
      System.Runtime (>= 4.1) - restriction: || (&& (== net461) (< net45)) (== net50) (== netstandard2.0) (== netstandard2.1)
    System.Security.AccessControl (4.7) - restriction: || (&& (== net461) (>= netstandard2.0)) (== net50) (== netstandard2.0) (== netstandard2.1)
      Microsoft.NETCore.Platforms (>= 3.1) - restriction: || (&& (== net461) (>= netcoreapp2.0)) (== net50) (&& (== netstandard2.0) (>= netcoreapp2.0)) (&& (== netstandard2.1) (>= netcoreapp2.0))
      System.Security.Principal.Windows (>= 4.7)
    System.Security.Cryptography.Algorithms (4.3)
      Microsoft.NETCore.Platforms (>= 1.1) - restriction: || (&& (== net461) (< net46) (>= netstandard1.6)) (== net50) (== netstandard2.0) (== netstandard2.1)
      runtime.native.System.Security.Cryptography.Apple (>= 4.3) - restriction: || (&& (== net461) (< net46) (>= netstandard1.6)) (== net50) (== netstandard2.0) (== netstandard2.1)
      runtime.native.System.Security.Cryptography.OpenSsl (>= 4.3) - restriction: || (&& (== net461) (< net46) (>= netstandard1.6)) (== net50) (== netstandard2.0) (== netstandard2.1)
      System.Collections (>= 4.3) - restriction: || (&& (== net461) (< net46) (>= netstandard1.6)) (== net50) (== netstandard2.0) (== netstandard2.1)
      System.IO (>= 4.3) - restriction: || (&& (== net461) (< net46)) (&& (== net461) (>= net463)) (== net50) (== netstandard2.0) (== netstandard2.1)
      System.Resources.ResourceManager (>= 4.3) - restriction: || (&& (== net461) (< net46) (>= netstandard1.6)) (== net50) (== netstandard2.0) (== netstandard2.1)
      System.Runtime (>= 4.3) - restriction: || (&& (== net461) (< net46)) (&& (== net461) (>= net463)) (== net50) (== netstandard2.0) (== netstandard2.1)
      System.Runtime.Extensions (>= 4.3) - restriction: || (&& (== net461) (< net46) (>= netstandard1.6)) (== net50) (== netstandard2.0) (== netstandard2.1)
      System.Runtime.Handles (>= 4.3) - restriction: || (&& (== net461) (< net46) (>= netstandard1.6)) (== net50) (== netstandard2.0) (== netstandard2.1)
      System.Runtime.InteropServices (>= 4.3) - restriction: || (&& (== net461) (< net46) (>= netstandard1.6)) (== net50) (== netstandard2.0) (== netstandard2.1)
      System.Runtime.Numerics (>= 4.3) - restriction: || (&& (== net461) (< net46) (>= netstandard1.6)) (== net50) (== netstandard2.0) (== netstandard2.1)
      System.Security.Cryptography.Encoding (>= 4.3) - restriction: || (&& (== net461) (< net46) (>= netstandard1.6)) (&& (== net461) (>= net463)) (== net50) (== netstandard2.0) (== netstandard2.1)
      System.Security.Cryptography.Primitives (>= 4.3)
      System.Text.Encoding (>= 4.3) - restriction: || (&& (== net461) (< net46) (>= netstandard1.6)) (== net50) (== netstandard2.0) (== netstandard2.1)
    System.Security.Cryptography.Cng (4.3) - restriction: || (&& (== net461) (< net46) (>= netstandard1.6)) (== net50) (== netstandard2.0) (== netstandard2.1)
      Microsoft.NETCore.Platforms (>= 1.1) - restriction: || (&& (== net461) (< net46)) (== net50) (== netstandard2.0) (== netstandard2.1)
      System.IO (>= 4.3) - restriction: || (&& (== net461) (< net46)) (== net50) (== netstandard2.0) (== netstandard2.1)
      System.Resources.ResourceManager (>= 4.3) - restriction: || (&& (== net461) (< net46)) (== net50) (== netstandard2.0) (== netstandard2.1)
      System.Runtime (>= 4.3) - restriction: || (&& (== net461) (< net46)) (== net50) (== netstandard2.0) (== netstandard2.1)
      System.Runtime.Extensions (>= 4.3) - restriction: || (&& (== net461) (< net46)) (== net50) (== netstandard2.0) (== netstandard2.1)
      System.Runtime.Handles (>= 4.3) - restriction: || (&& (== net461) (< net46)) (== net50) (== netstandard2.0) (== netstandard2.1)
      System.Runtime.InteropServices (>= 4.3) - restriction: || (&& (== net461) (< net46)) (== net50) (== netstandard2.0) (== netstandard2.1)
      System.Security.Cryptography.Algorithms (>= 4.3)
      System.Security.Cryptography.Encoding (>= 4.3) - restriction: || (&& (== net461) (< net46)) (== net50) (== netstandard2.0) (== netstandard2.1)
      System.Security.Cryptography.Primitives (>= 4.3)
      System.Text.Encoding (>= 4.3) - restriction: || (&& (== net461) (< net46)) (== net50) (== netstandard2.0) (== netstandard2.1)
    System.Security.Cryptography.Csp (4.3)
      Microsoft.NETCore.Platforms (>= 1.1) - restriction: || (&& (== net461) (< net46)) (== net50) (== netstandard2.0) (== netstandard2.1)
      System.IO (>= 4.3) - restriction: || (&& (== net461) (< net46)) (== net50) (== netstandard2.0) (== netstandard2.1)
      System.Reflection (>= 4.3) - restriction: || (&& (== net461) (< net46)) (== net50) (== netstandard2.0) (== netstandard2.1)
      System.Resources.ResourceManager (>= 4.3) - restriction: || (&& (== net461) (< net46)) (== net50) (== netstandard2.0) (== netstandard2.1)
      System.Runtime (>= 4.3) - restriction: || (&& (== net461) (< net46)) (== net50) (== netstandard2.0) (== netstandard2.1)
      System.Runtime.Extensions (>= 4.3) - restriction: || (&& (== net461) (< net46)) (== net50) (== netstandard2.0) (== netstandard2.1)
      System.Runtime.Handles (>= 4.3) - restriction: || (&& (== net461) (< net46)) (== net50) (== netstandard2.0) (== netstandard2.1)
      System.Runtime.InteropServices (>= 4.3) - restriction: || (&& (== net461) (< net46)) (== net50) (== netstandard2.0) (== netstandard2.1)
      System.Security.Cryptography.Algorithms (>= 4.3)
      System.Security.Cryptography.Encoding (>= 4.3) - restriction: || (&& (== net461) (< net46)) (== net50) (== netstandard2.0) (== netstandard2.1)
      System.Security.Cryptography.Primitives (>= 4.3)
      System.Text.Encoding (>= 4.3) - restriction: || (&& (== net461) (< net46)) (== net50) (== netstandard2.0) (== netstandard2.1)
      System.Threading (>= 4.3) - restriction: || (&& (== net461) (< net46)) (== net50) (== netstandard2.0) (== netstandard2.1)
    System.Security.Cryptography.Encoding (4.3)
      Microsoft.NETCore.Platforms (>= 1.1) - restriction: || (&& (== net461) (< net46)) (== net50) (== netstandard2.0) (== netstandard2.1)
      runtime.native.System.Security.Cryptography.OpenSsl (>= 4.3) - restriction: || (&& (== net461) (< net46)) (== net50) (== netstandard2.0) (== netstandard2.1)
      System.Collections (>= 4.3) - restriction: || (&& (== net461) (< net46)) (== net50) (== netstandard2.0) (== netstandard2.1)
      System.Collections.Concurrent (>= 4.3) - restriction: || (&& (== net461) (< net46)) (== net50) (== netstandard2.0) (== netstandard2.1)
      System.Linq (>= 4.3) - restriction: || (&& (== net461) (< net46)) (== net50) (== netstandard2.0) (== netstandard2.1)
      System.Resources.ResourceManager (>= 4.3) - restriction: || (&& (== net461) (< net46)) (== net50) (== netstandard2.0) (== netstandard2.1)
      System.Runtime (>= 4.3) - restriction: || (&& (== net461) (< net46)) (== net50) (== netstandard2.0) (== netstandard2.1)
      System.Runtime.Extensions (>= 4.3) - restriction: || (&& (== net461) (< net46)) (== net50) (== netstandard2.0) (== netstandard2.1)
      System.Runtime.Handles (>= 4.3) - restriction: || (&& (== net461) (< net46)) (== net50) (== netstandard2.0) (== netstandard2.1)
      System.Runtime.InteropServices (>= 4.3) - restriction: || (&& (== net461) (< net46)) (== net50) (== netstandard2.0) (== netstandard2.1)
      System.Security.Cryptography.Primitives (>= 4.3) - restriction: || (&& (== net461) (< net46)) (== net50) (== netstandard2.0) (== netstandard2.1)
      System.Text.Encoding (>= 4.3) - restriction: || (&& (== net461) (< net46)) (== net50) (== netstandard2.0) (== netstandard2.1)
    System.Security.Cryptography.OpenSsl (4.3) - restriction: || (&& (== net461) (< net45) (>= netstandard1.6)) (== net50) (== netstandard2.0) (== netstandard2.1)
      runtime.native.System.Security.Cryptography.OpenSsl (>= 4.3) - restriction: || (&& (== net461) (>= monoandroid)) (&& (== net461) (>= net463)) (&& (== net461) (>= netstandard1.6)) (== net50) (== netstandard2.0) (== netstandard2.1)
      System.Collections (>= 4.3) - restriction: || (&& (== net461) (>= netstandard1.6)) (== net50) (== netstandard2.0) (== netstandard2.1)
      System.IO (>= 4.3) - restriction: || (&& (== net461) (>= net463)) (&& (== net461) (>= netstandard1.6)) (== net50) (== netstandard2.0) (== netstandard2.1)
      System.Resources.ResourceManager (>= 4.3) - restriction: || (&& (== net461) (>= netstandard1.6)) (== net50) (== netstandard2.0) (== netstandard2.1)
      System.Runtime (>= 4.3) - restriction: || (&& (== net461) (>= net463)) (&& (== net461) (>= netstandard1.6)) (== net50) (== netstandard2.0) (== netstandard2.1)
      System.Runtime.Extensions (>= 4.3) - restriction: || (&& (== net461) (>= net463)) (&& (== net461) (>= netstandard1.6)) (== net50) (== netstandard2.0) (== netstandard2.1)
      System.Runtime.Handles (>= 4.3) - restriction: || (&& (== net461) (>= netstandard1.6)) (== net50) (== netstandard2.0) (== netstandard2.1)
      System.Runtime.InteropServices (>= 4.3) - restriction: || (&& (== net461) (>= netstandard1.6)) (== net50) (== netstandard2.0) (== netstandard2.1)
      System.Runtime.Numerics (>= 4.3) - restriction: || (&& (== net461) (>= netstandard1.6)) (== net50) (== netstandard2.0) (== netstandard2.1)
      System.Security.Cryptography.Algorithms (>= 4.3) - restriction: || (&& (== net461) (>= net463)) (&& (== net461) (>= netstandard1.6)) (== net50) (== netstandard2.0) (== netstandard2.1)
      System.Security.Cryptography.Encoding (>= 4.3) - restriction: || (&& (== net461) (>= net463)) (&& (== net461) (>= netstandard1.6)) (== net50) (== netstandard2.0) (== netstandard2.1)
      System.Security.Cryptography.Primitives (>= 4.3) - restriction: || (&& (== net461) (>= net463)) (&& (== net461) (>= netstandard1.6)) (== net50) (== netstandard2.0) (== netstandard2.1)
      System.Text.Encoding (>= 4.3) - restriction: || (&& (== net461) (>= netstandard1.6)) (== net50) (== netstandard2.0) (== netstandard2.1)
    System.Security.Cryptography.Primitives (4.3)
      System.Diagnostics.Debug (>= 4.3) - restriction: || (&& (== net461) (< net46)) (== net50) (== netstandard2.0) (== netstandard2.1)
      System.Globalization (>= 4.3) - restriction: || (&& (== net461) (< net46)) (== net50) (== netstandard2.0) (== netstandard2.1)
      System.IO (>= 4.3) - restriction: || (&& (== net461) (< net46)) (== net50) (== netstandard2.0) (== netstandard2.1)
      System.Resources.ResourceManager (>= 4.3) - restriction: || (&& (== net461) (< net46)) (== net50) (== netstandard2.0) (== netstandard2.1)
      System.Runtime (>= 4.3) - restriction: || (&& (== net461) (< net46)) (== net50) (== netstandard2.0) (== netstandard2.1)
      System.Threading (>= 4.3) - restriction: || (&& (== net461) (< net46)) (== net50) (== netstandard2.0) (== netstandard2.1)
      System.Threading.Tasks (>= 4.3) - restriction: || (&& (== net461) (< net46)) (== net50) (== netstandard2.0) (== netstandard2.1)
    System.Security.Cryptography.ProtectedData (4.4) - restriction: || (&& (== net461) (>= netcoreapp2.0)) (== net50) (== netstandard2.0) (== netstandard2.1)
    System.Security.Cryptography.X509Certificates (4.3)
      Microsoft.NETCore.Platforms (>= 1.1) - restriction: || (&& (== net461) (< net46) (>= netstandard1.6)) (== net50) (== netstandard2.0) (== netstandard2.1)
      runtime.native.System (>= 4.3) - restriction: || (&& (== net461) (< net46) (>= netstandard1.6)) (== net50) (== netstandard2.0) (== netstandard2.1)
      runtime.native.System.Net.Http (>= 4.3) - restriction: || (&& (== net461) (< net46) (>= netstandard1.6)) (== net50) (== netstandard2.0) (== netstandard2.1)
      runtime.native.System.Security.Cryptography.OpenSsl (>= 4.3) - restriction: || (&& (== net461) (< net46) (>= netstandard1.6)) (== net50) (== netstandard2.0) (== netstandard2.1)
      System.Collections (>= 4.3) - restriction: || (&& (== net461) (< net46) (>= netstandard1.6)) (== net50) (== netstandard2.0) (== netstandard2.1)
      System.Diagnostics.Debug (>= 4.3) - restriction: || (&& (== net461) (< net46) (>= netstandard1.6)) (== net50) (== netstandard2.0) (== netstandard2.1)
      System.Globalization (>= 4.3) - restriction: || (&& (== net461) (< net46) (>= netstandard1.6)) (== net50) (== netstandard2.0) (== netstandard2.1)
      System.Globalization.Calendars (>= 4.3) - restriction: || (&& (== net461) (< net46) (>= netstandard1.6)) (== net50) (== netstandard2.0) (== netstandard2.1)
      System.IO (>= 4.3) - restriction: || (&& (== net461) (< net46) (>= netstandard1.6)) (== net50) (== netstandard2.0) (== netstandard2.1)
      System.IO.FileSystem (>= 4.3) - restriction: || (&& (== net461) (< net46) (>= netstandard1.6)) (== net50) (== netstandard2.0) (== netstandard2.1)
      System.IO.FileSystem.Primitives (>= 4.3) - restriction: || (&& (== net461) (< net46) (>= netstandard1.6)) (== net50) (== netstandard2.0) (== netstandard2.1)
      System.Resources.ResourceManager (>= 4.3) - restriction: || (&& (== net461) (< net46) (>= netstandard1.6)) (== net50) (== netstandard2.0) (== netstandard2.1)
      System.Runtime (>= 4.3) - restriction: || (&& (== net461) (< net46)) (== net50) (== netstandard2.0) (== netstandard2.1)
      System.Runtime.Extensions (>= 4.3) - restriction: || (&& (== net461) (< net46) (>= netstandard1.6)) (== net50) (== netstandard2.0) (== netstandard2.1)
      System.Runtime.Handles (>= 4.3) - restriction: || (&& (== net461) (< net46)) (== net50) (== netstandard2.0) (== netstandard2.1)
      System.Runtime.InteropServices (>= 4.3) - restriction: || (&& (== net461) (< net46) (>= netstandard1.6)) (== net50) (== netstandard2.0) (== netstandard2.1)
      System.Runtime.Numerics (>= 4.3) - restriction: || (&& (== net461) (< net46) (>= netstandard1.6)) (== net50) (== netstandard2.0) (== netstandard2.1)
      System.Security.Cryptography.Algorithms (>= 4.3)
      System.Security.Cryptography.Cng (>= 4.3) - restriction: || (&& (== net461) (< net46) (>= netstandard1.6)) (== net50) (== netstandard2.0) (== netstandard2.1)
      System.Security.Cryptography.Csp (>= 4.3) - restriction: || (&& (== net461) (< net46) (>= netstandard1.6)) (== net50) (== netstandard2.0) (== netstandard2.1)
      System.Security.Cryptography.Encoding (>= 4.3)
      System.Security.Cryptography.OpenSsl (>= 4.3) - restriction: || (&& (== net461) (< net46) (>= netstandard1.6)) (== net50) (== netstandard2.0) (== netstandard2.1)
      System.Security.Cryptography.Primitives (>= 4.3) - restriction: || (&& (== net461) (< net46) (>= netstandard1.6)) (== net50) (== netstandard2.0) (== netstandard2.1)
      System.Text.Encoding (>= 4.3) - restriction: || (&& (== net461) (< net46) (>= netstandard1.6)) (== net50) (== netstandard2.0) (== netstandard2.1)
      System.Threading (>= 4.3) - restriction: || (&& (== net461) (< net46) (>= netstandard1.6)) (== net50) (== netstandard2.0) (== netstandard2.1)
    System.Security.Permissions (4.7) - restriction: || (&& (== net461) (>= netstandard2.0)) (== net50) (== netstandard2.0) (== netstandard2.1)
      System.Security.AccessControl (>= 4.7)
      System.Windows.Extensions (>= 4.7) - restriction: || (&& (== net461) (>= netcoreapp3.0)) (== net50) (&& (== netstandard2.0) (>= netcoreapp3.0)) (&& (== netstandard2.1) (>= netcoreapp3.0))
    System.Security.Principal.Windows (4.7) - restriction: || (&& (== net461) (>= netcoreapp2.0)) (&& (== net461) (>= netstandard2.0)) (== net50) (== netstandard2.0) (== netstandard2.1)
    System.Text.Encoding (4.3) - restriction: || (&& (== net461) (< net45)) (== net50) (== netstandard2.0) (== netstandard2.1)
      Microsoft.NETCore.Platforms (>= 1.1) - restriction: || (&& (== net461) (< net45)) (== net50) (== netstandard2.0) (== netstandard2.1)
      Microsoft.NETCore.Targets (>= 1.1) - restriction: || (&& (== net461) (< net45)) (== net50) (== netstandard2.0) (== netstandard2.1)
      System.Runtime (>= 4.3) - restriction: || (&& (== net461) (< net45)) (== net50) (== netstandard2.0) (== netstandard2.1)
    System.Text.Encoding.CodePages (4.5.1) - restriction: || (&& (== net461) (>= netstandard2.0)) (== net50) (== netstandard2.0) (== netstandard2.1)
      Microsoft.NETCore.Platforms (>= 2.1.2) - restriction: || (&& (== net461) (>= netcoreapp2.0)) (== net50) (&& (== netstandard2.0) (>= netcoreapp2.0)) (&& (== netstandard2.1) (>= netcoreapp2.0))
      System.Runtime.CompilerServices.Unsafe (>= 4.5.2)
    System.Text.Encoding.Extensions (4.0.11) - restriction: || (&& (== net461) (< net20)) (== net50) (== netstandard2.0) (== netstandard2.1)
      Microsoft.NETCore.Platforms (>= 1.0.1) - restriction: || (&& (== net461) (< net45)) (== net50) (== netstandard2.0) (== netstandard2.1)
      Microsoft.NETCore.Targets (>= 1.0.1) - restriction: || (&& (== net461) (< net45)) (== net50) (== netstandard2.0) (== netstandard2.1)
      System.Runtime (>= 4.1) - restriction: || (&& (== net461) (< net45)) (== net50) (== netstandard2.0) (== netstandard2.1)
      System.Text.Encoding (>= 4.0.11) - restriction: || (&& (== net461) (< net45)) (== net50) (== netstandard2.0) (== netstandard2.1)
    System.Text.Encodings.Web (4.4) - restriction: || (&& (== net461) (>= netstandard2.0)) (== net50) (== netstandard2.0) (== netstandard2.1)
    System.Text.RegularExpressions (4.3.1)
      System.Collections (>= 4.3) - restriction: || (&& (== net461) (< net45) (>= netstandard1.6)) (&& (== net50) (< netcoreapp1.1)) (== netstandard2.0) (== netstandard2.1)
      System.Globalization (>= 4.3) - restriction: || (&& (== net461) (< net45) (>= netstandard1.6)) (&& (== net50) (< netcoreapp1.1)) (== netstandard2.0) (== netstandard2.1)
      System.Resources.ResourceManager (>= 4.3) - restriction: || (&& (== net461) (< net45) (>= netstandard1.6)) (&& (== net50) (< netcoreapp1.1)) (== netstandard2.0) (== netstandard2.1)
      System.Runtime (>= 4.3.1) - restriction: || (&& (== net461) (< net45)) (&& (== net461) (>= netcoreapp1.1)) (== net50) (== netstandard2.0) (== netstandard2.1)
      System.Runtime.Extensions (>= 4.3.1) - restriction: || (&& (== net461) (< net45) (>= netstandard1.6)) (&& (== net50) (< netcoreapp1.1)) (== netstandard2.0) (== netstandard2.1)
      System.Threading (>= 4.3) - restriction: || (&& (== net461) (< net45) (>= netstandard1.6)) (&& (== net50) (< netcoreapp1.1)) (== netstandard2.0) (== netstandard2.1)
    System.Threading (4.3) - restriction: || (&& (== net461) (< net45)) (== net50) (== netstandard2.0) (== netstandard2.1)
      System.Runtime (>= 4.3) - restriction: || (&& (== net461) (< net45)) (== net50) (== netstandard2.0) (== netstandard2.1)
      System.Threading.Tasks (>= 4.3) - restriction: || (&& (== net461) (< net45)) (== net50) (== netstandard2.0) (== netstandard2.1)
    System.Threading.Tasks (4.3) - restriction: || (&& (== net461) (< net45)) (== net50) (== netstandard2.0) (== netstandard2.1)
      Microsoft.NETCore.Platforms (>= 1.1) - restriction: || (&& (== net461) (< net45)) (== net50) (== netstandard2.0) (== netstandard2.1)
      Microsoft.NETCore.Targets (>= 1.1) - restriction: || (&& (== net461) (< net45)) (== net50) (== netstandard2.0) (== netstandard2.1)
      System.Runtime (>= 4.3) - restriction: || (&& (== net461) (< net45)) (== net50) (== netstandard2.0) (== netstandard2.1)
    System.Threading.Tasks.Extensions (4.5.4) - restriction: || (&& (== net461) (>= netstandard2.0)) (== net50) (== netstandard2.0) (== netstandard2.1)
      System.Runtime.CompilerServices.Unsafe (>= 4.5.3) - restriction: || (== net461) (&& (== net50) (>= net461)) (&& (== net50) (< netcoreapp2.1)) (&& (== net50) (< netstandard1.0)) (&& (== net50) (< netstandard2.0)) (&& (== net50) (>= wp8)) (== netstandard2.0) (== netstandard2.1)
    System.Threading.Tasks.Parallel (4.0.1) - restriction: || (&& (== net461) (< net45) (>= netstandard1.6)) (== net50) (== netstandard2.0) (== netstandard2.1)
      System.Collections.Concurrent (>= 4.0.12) - restriction: || (&& (== net461) (< net45)) (== net50) (== netstandard2.0) (== netstandard2.1)
      System.Diagnostics.Debug (>= 4.0.11) - restriction: || (&& (== net461) (< net45)) (== net50) (== netstandard2.0) (== netstandard2.1)
      System.Diagnostics.Tracing (>= 4.1) - restriction: || (&& (== net461) (< net45)) (== net50) (== netstandard2.0) (== netstandard2.1)
      System.Resources.ResourceManager (>= 4.0.1) - restriction: || (&& (== net461) (< net45)) (== net50) (== netstandard2.0) (== netstandard2.1)
      System.Runtime (>= 4.1) - restriction: || (&& (== net461) (< net45)) (== net50) (== netstandard2.0) (== netstandard2.1)
      System.Runtime.Extensions (>= 4.1) - restriction: || (&& (== net461) (< net45)) (== net50) (== netstandard2.0) (== netstandard2.1)
      System.Threading (>= 4.0.11) - restriction: || (&& (== net461) (< net45)) (== net50) (== netstandard2.0) (== netstandard2.1)
      System.Threading.Tasks (>= 4.0.11) - restriction: || (&& (== net461) (< net45)) (== net50) (== netstandard2.0) (== netstandard2.1)
    System.Threading.Thread (4.0) - restriction: || (&& (== net461) (< net45) (>= netstandard1.6)) (== net50) (== netstandard2.0) (== netstandard2.1)
      System.Runtime (>= 4.1) - restriction: || (&& (== net461) (< net46)) (== net50) (== netstandard2.0) (== netstandard2.1)
    System.Threading.ThreadPool (4.0.10) - restriction: || (&& (== net461) (< net45) (>= netstandard1.6)) (== net50) (== netstandard2.0) (== netstandard2.1)
      System.Runtime (>= 4.1) - restriction: || (&& (== net461) (< net46)) (== net50) (== netstandard2.0) (== netstandard2.1)
      System.Runtime.Handles (>= 4.0.1) - restriction: || (&& (== net461) (< net46)) (== net50) (== netstandard2.0) (== netstandard2.1)
    System.Threading.Timer (4.0.1) - restriction: || (&& (== net461) (< net45) (>= netstandard1.6)) (== net50) (== netstandard2.0) (== netstandard2.1)
      Microsoft.NETCore.Platforms (>= 1.0.1) - restriction: || (&& (== net461) (< net451)) (== net50) (== netstandard2.0) (== netstandard2.1)
      Microsoft.NETCore.Targets (>= 1.0.1) - restriction: || (&& (== net461) (< net451)) (== net50) (== netstandard2.0) (== netstandard2.1)
      System.Runtime (>= 4.1) - restriction: || (&& (== net461) (< net451)) (== net50) (== netstandard2.0) (== netstandard2.1)
    System.ValueTuple (4.4)
    System.Windows.Extensions (4.7) - restriction: || (&& (== net461) (>= netcoreapp3.0)) (== net50) (&& (== netstandard2.0) (>= netcoreapp3.0)) (&& (== netstandard2.1) (>= netcoreapp3.0))
      System.Drawing.Common (>= 4.7) - restriction: || (&& (== net461) (>= netcoreapp3.0)) (== net50) (&& (== netstandard2.0) (>= netcoreapp3.0)) (&& (== netstandard2.1) (>= netcoreapp3.0))
    System.Xml.ReaderWriter (4.0.11) - restriction: || (&& (== net461) (< net20)) (== net50) (== netstandard2.0) (== netstandard2.1)
      System.Collections (>= 4.0.11) - restriction: || (&& (== net461) (< net45)) (== net50) (== netstandard2.0) (== netstandard2.1)
      System.Diagnostics.Debug (>= 4.0.11) - restriction: || (&& (== net461) (< net45)) (== net50) (== netstandard2.0) (== netstandard2.1)
      System.Globalization (>= 4.0.11) - restriction: || (&& (== net461) (< net45)) (== net50) (== netstandard2.0) (== netstandard2.1)
      System.IO (>= 4.1) - restriction: || (&& (== net461) (< net45)) (== net50) (== netstandard2.0) (== netstandard2.1)
      System.IO.FileSystem (>= 4.0.1) - restriction: || (&& (== net461) (< net45)) (== net50) (== netstandard2.0) (== netstandard2.1)
      System.IO.FileSystem.Primitives (>= 4.0.1) - restriction: || (&& (== net461) (< net45)) (== net50) (== netstandard2.0) (== netstandard2.1)
      System.Resources.ResourceManager (>= 4.0.1) - restriction: || (&& (== net461) (< net45)) (== net50) (== netstandard2.0) (== netstandard2.1)
      System.Runtime (>= 4.1) - restriction: || (&& (== net461) (< net45)) (== net50) (== netstandard2.0) (== netstandard2.1)
      System.Runtime.Extensions (>= 4.1) - restriction: || (&& (== net461) (< net45)) (== net50) (== netstandard2.0) (== netstandard2.1)
      System.Runtime.InteropServices (>= 4.1) - restriction: || (&& (== net461) (< net45)) (== net50) (== netstandard2.0) (== netstandard2.1)
      System.Text.Encoding (>= 4.0.11) - restriction: || (&& (== net461) (< net45)) (== net50) (== netstandard2.0) (== netstandard2.1)
      System.Text.Encoding.Extensions (>= 4.0.11) - restriction: || (&& (== net461) (< net45)) (== net50) (== netstandard2.0) (== netstandard2.1)
      System.Text.RegularExpressions (>= 4.1) - restriction: || (&& (== net461) (< net45)) (== net50) (== netstandard2.0) (== netstandard2.1)
      System.Threading.Tasks (>= 4.0.11) - restriction: || (&& (== net461) (< net45)) (== net50) (== netstandard2.0) (== netstandard2.1)
      System.Threading.Tasks.Extensions (>= 4.0) - restriction: || (&& (== net461) (< net45)) (== net50) (== netstandard2.0) (== netstandard2.1)
    System.Xml.XDocument (4.0.11) - restriction: || (&& (== net461) (< net20)) (== net50) (== netstandard2.0) (== netstandard2.1)
      System.Collections (>= 4.0.11) - restriction: || (&& (== net461) (< net45)) (== net50) (== netstandard2.0) (== netstandard2.1)
      System.Diagnostics.Debug (>= 4.0.11) - restriction: || (&& (== net461) (< net45)) (== net50) (== netstandard2.0) (== netstandard2.1)
      System.Diagnostics.Tools (>= 4.0.1) - restriction: || (&& (== net461) (< net45)) (== net50) (== netstandard2.0) (== netstandard2.1)
      System.Globalization (>= 4.0.11) - restriction: || (&& (== net461) (< net45)) (== net50) (== netstandard2.0) (== netstandard2.1)
      System.IO (>= 4.1) - restriction: || (&& (== net461) (< net45)) (== net50) (== netstandard2.0) (== netstandard2.1)
      System.Reflection (>= 4.1) - restriction: || (&& (== net461) (< net45)) (== net50) (== netstandard2.0) (== netstandard2.1)
      System.Resources.ResourceManager (>= 4.0.1) - restriction: || (&& (== net461) (< net45)) (== net50) (== netstandard2.0) (== netstandard2.1)
      System.Runtime (>= 4.1) - restriction: || (&& (== net461) (< net45)) (== net50) (== netstandard2.0) (== netstandard2.1)
      System.Runtime.Extensions (>= 4.1) - restriction: || (&& (== net461) (< net45)) (== net50) (== netstandard2.0) (== netstandard2.1)
      System.Text.Encoding (>= 4.0.11) - restriction: || (&& (== net461) (< net45)) (== net50) (== netstandard2.0) (== netstandard2.1)
      System.Threading (>= 4.0.11) - restriction: || (&& (== net461) (< net45)) (== net50) (== netstandard2.0) (== netstandard2.1)
      System.Xml.ReaderWriter (>= 4.0.11) - restriction: || (&& (== net461) (< net45)) (== net50) (== netstandard2.0) (== netstandard2.1)

GROUP fcs
STORAGE: NONE
STRATEGY: MIN
RESTRICTION: || (== net461) (== net50) (== netstandard2.0) (== netstandard2.1)
NUGET
  remote: https://api.nuget.org/v3/index.json
    FSharp.Compiler.Service (39.0)
      FSharp.Core (5.0.1) - restriction: || (&& (== net461) (>= netstandard2.0)) (== net50) (== netstandard2.0) (== netstandard2.1)
      Microsoft.Build.Framework (>= 16.6) - restriction: || (&& (== net461) (>= netstandard2.0)) (== net50) (== netstandard2.0) (== netstandard2.1)
      Microsoft.Build.Tasks.Core (>= 16.6) - restriction: || (&& (== net461) (>= netstandard2.0)) (== net50) (== netstandard2.0) (== netstandard2.1)
      Microsoft.Build.Utilities.Core (>= 16.6) - restriction: || (&& (== net461) (>= netstandard2.0)) (== net50) (== netstandard2.0) (== netstandard2.1)
      System.Buffers (>= 4.5.1) - restriction: || (&& (== net461) (>= netstandard2.0)) (== net50) (== netstandard2.0) (== netstandard2.1)
      System.Collections.Immutable (>= 5.0) - restriction: || (&& (== net461) (>= netstandard2.0)) (== net50) (== netstandard2.0) (== netstandard2.1)
      System.Diagnostics.Process (>= 4.3) - restriction: || (&& (== net461) (>= netstandard2.0)) (== net50) (== netstandard2.0) (== netstandard2.1)
      System.Diagnostics.TraceSource (>= 4.3) - restriction: || (&& (== net461) (>= netstandard2.0)) (== net50) (== netstandard2.0) (== netstandard2.1)
      System.Linq.Expressions (>= 4.3) - restriction: || (&& (== net461) (>= netstandard2.0)) (== net50) (== netstandard2.0) (== netstandard2.1)
      System.Linq.Queryable (>= 4.3) - restriction: || (&& (== net461) (>= netstandard2.0)) (== net50) (== netstandard2.0) (== netstandard2.1)
      System.Memory (>= 4.5.4) - restriction: || (&& (== net461) (>= netstandard2.0)) (== net50) (== netstandard2.0) (== netstandard2.1)
      System.Net.Requests (>= 4.3) - restriction: || (&& (== net461) (>= netstandard2.0)) (== net50) (== netstandard2.0) (== netstandard2.1)
      System.Net.Security (>= 4.3) - restriction: || (&& (== net461) (>= netstandard2.0)) (== net50) (== netstandard2.0) (== netstandard2.1)
      System.Reflection.Emit (>= 4.3) - restriction: || (&& (== net461) (>= netstandard2.0)) (== net50) (== netstandard2.0) (== netstandard2.1)
      System.Reflection.Metadata (>= 5.0) - restriction: || (&& (== net461) (>= netstandard2.0)) (== net50) (== netstandard2.0) (== netstandard2.1)
      System.Reflection.TypeExtensions (>= 4.3) - restriction: || (&& (== net461) (>= netstandard2.0)) (== net50) (== netstandard2.0) (== netstandard2.1)
      System.Runtime (>= 4.3) - restriction: || (&& (== net461) (>= netstandard2.0)) (== net50) (== netstandard2.0) (== netstandard2.1)
      System.Runtime.InteropServices (>= 4.3) - restriction: || (&& (== net461) (>= netstandard2.0)) (== net50) (== netstandard2.0) (== netstandard2.1)
      System.Runtime.Loader (>= 4.3) - restriction: || (&& (== net461) (>= netstandard2.0)) (== net50) (== netstandard2.0) (== netstandard2.1)
      System.Security.Claims (>= 4.3) - restriction: || (&& (== net461) (>= netstandard2.0)) (== net50) (== netstandard2.0) (== netstandard2.1)
      System.Security.Cryptography.Algorithms (>= 4.3) - restriction: || (&& (== net461) (>= netstandard2.0)) (== net50) (== netstandard2.0) (== netstandard2.1)
      System.Security.Principal (>= 4.3) - restriction: || (&& (== net461) (>= netstandard2.0)) (== net50) (== netstandard2.0) (== netstandard2.1)
      System.Threading.Tasks.Parallel (>= 4.3) - restriction: || (&& (== net461) (>= netstandard2.0)) (== net50) (== netstandard2.0) (== netstandard2.1)
      System.Threading.Thread (>= 4.3) - restriction: || (&& (== net461) (>= netstandard2.0)) (== net50) (== netstandard2.0) (== netstandard2.1)
      System.Threading.ThreadPool (>= 4.3) - restriction: || (&& (== net461) (>= netstandard2.0)) (== net50) (== netstandard2.0) (== netstandard2.1)
    FSharp.Core (5.0.1)
    Microsoft.Build.Framework (16.6) - restriction: || (&& (== net461) (>= netstandard2.0)) (== net50) (== netstandard2.0) (== netstandard2.1)
      System.Security.Permissions (>= 4.7) - restriction: || (&& (== net461) (>= netstandard2.0)) (== net50) (== netstandard2.0) (== netstandard2.1)
    Microsoft.Build.Tasks.Core (16.6) - restriction: || (&& (== net461) (>= netstandard2.0)) (== net50) (== netstandard2.0) (== netstandard2.1)
      Microsoft.Build.Framework (>= 16.6) - restriction: || (&& (== net461) (>= netstandard2.0)) (== net50) (== netstandard2.0) (== netstandard2.1)
      Microsoft.Build.Utilities.Core (>= 16.6) - restriction: || (&& (== net461) (>= netstandard2.0)) (== net50) (== netstandard2.0) (== netstandard2.1)
      Microsoft.Win32.Registry (>= 4.3) - restriction: || (&& (== net461) (>= netstandard2.0)) (== net50) (== netstandard2.0) (== netstandard2.1)
      System.CodeDom (>= 4.4) - restriction: || (&& (== net461) (>= netstandard2.0)) (== net50) (== netstandard2.0) (== netstandard2.1)
      System.Collections.Immutable (>= 1.5) - restriction: || (&& (== net461) (>= netstandard2.0)) (== net50) (== netstandard2.0) (== netstandard2.1)
      System.Reflection.Metadata (>= 1.6) - restriction: || (&& (== net461) (>= netstandard2.0)) (== net50) (== netstandard2.0) (== netstandard2.1)
      System.Reflection.TypeExtensions (>= 4.1) - restriction: || (&& (== net461) (>= netstandard2.0)) (== net50) (== netstandard2.0) (== netstandard2.1)
      System.Resources.Extensions (>= 4.6) - restriction: || (&& (== net461) (>= netstandard2.0)) (== net50) (== netstandard2.0) (== netstandard2.1)
      System.Security.Permissions (>= 4.7) - restriction: || (&& (== net461) (>= netstandard2.0)) (== net50) (== netstandard2.0) (== netstandard2.1)
      System.Threading.Tasks.Dataflow (>= 4.9) - restriction: || (&& (== net461) (>= netstandard2.0)) (== net50) (== netstandard2.0) (== netstandard2.1)
    Microsoft.Build.Utilities.Core (16.6) - restriction: || (&& (== net461) (>= netstandard2.0)) (== net50) (== netstandard2.0) (== netstandard2.1)
      Microsoft.Build.Framework (>= 16.6) - restriction: || (&& (== net461) (>= netstandard2.0)) (== net50) (== netstandard2.0) (== netstandard2.1)
      Microsoft.Win32.Registry (>= 4.3) - restriction: || (&& (== net461) (>= netstandard2.0)) (== net50) (== netstandard2.0) (== netstandard2.1)
      System.Collections.Immutable (>= 1.5) - restriction: || (&& (== net461) (>= netstandard2.0)) (== net50) (== netstandard2.0) (== netstandard2.1)
      System.Security.Permissions (>= 4.7) - restriction: || (&& (== net461) (>= netstandard2.0)) (== net50) (== netstandard2.0) (== netstandard2.1)
      System.Text.Encoding.CodePages (>= 4.0.1) - restriction: || (&& (== net461) (>= netstandard2.0)) (== net50) (== netstandard2.0) (== netstandard2.1)
    Microsoft.NETCore.Platforms (3.1) - restriction: || (&& (== net461) (< net46) (>= netstandard2.0)) (&& (== net461) (>= netcoreapp2.0)) (== net50) (== netstandard2.0) (== netstandard2.1)
    Microsoft.NETCore.Targets (1.1) - restriction: || (&& (== net461) (< net45) (>= netstandard2.0)) (== net50) (== netstandard2.0) (== netstandard2.1)
    Microsoft.Win32.Primitives (4.3) - restriction: || (&& (== net461) (< net46) (>= netstandard2.0)) (== net50) (== netstandard2.0) (== netstandard2.1)
      Microsoft.NETCore.Platforms (>= 1.1) - restriction: || (&& (== net461) (< net46)) (== net50) (== netstandard2.0) (== netstandard2.1)
      Microsoft.NETCore.Targets (>= 1.1) - restriction: || (&& (== net461) (< net46)) (== net50) (== netstandard2.0) (== netstandard2.1)
      System.Runtime (>= 4.3) - restriction: || (&& (== net461) (< net46)) (== net50) (== netstandard2.0) (== netstandard2.1)
    Microsoft.Win32.Registry (4.3) - restriction: || (&& (== net461) (>= netstandard2.0)) (== net50) (== netstandard2.0) (== netstandard2.1)
      Microsoft.NETCore.Platforms (>= 1.1) - restriction: || (&& (== net461) (< net46)) (== net50) (== netstandard2.0) (== netstandard2.1)
      System.Collections (>= 4.3) - restriction: || (&& (== net461) (< net46)) (== net50) (== netstandard2.0) (== netstandard2.1)
      System.Globalization (>= 4.3) - restriction: || (&& (== net461) (< net46)) (== net50) (== netstandard2.0) (== netstandard2.1)
      System.Resources.ResourceManager (>= 4.3) - restriction: || (&& (== net461) (< net46)) (== net50) (== netstandard2.0) (== netstandard2.1)
      System.Runtime (>= 4.3) - restriction: || (&& (== net461) (< net46)) (== net50) (== netstandard2.0) (== netstandard2.1)
      System.Runtime.Extensions (>= 4.3) - restriction: || (&& (== net461) (< net46)) (== net50) (== netstandard2.0) (== netstandard2.1)
      System.Runtime.Handles (>= 4.3) - restriction: || (&& (== net461) (< net46)) (== net50) (== netstandard2.0) (== netstandard2.1)
      System.Runtime.InteropServices (>= 4.3) - restriction: || (&& (== net461) (< net46)) (== net50) (== netstandard2.0) (== netstandard2.1)
    Microsoft.Win32.SystemEvents (4.7) - restriction: || (&& (== net461) (>= netcoreapp3.0)) (== net50) (&& (== netstandard2.0) (>= netcoreapp3.0)) (&& (== netstandard2.1) (>= netcoreapp3.0))
      Microsoft.NETCore.Platforms (>= 3.1) - restriction: || (&& (== net461) (>= netcoreapp2.0)) (== net50) (&& (== netstandard2.0) (>= netcoreapp2.0)) (&& (== netstandard2.1) (>= netcoreapp2.0))
    runtime.debian.8-x64.runtime.native.System.Security.Cryptography.OpenSsl (4.3) - restriction: || (&& (== net461) (< net46) (>= netstandard2.0)) (== net50) (== netstandard2.0) (== netstandard2.1)
    runtime.fedora.23-x64.runtime.native.System.Security.Cryptography.OpenSsl (4.3) - restriction: || (&& (== net461) (< net46) (>= netstandard2.0)) (== net50) (== netstandard2.0) (== netstandard2.1)
    runtime.fedora.24-x64.runtime.native.System.Security.Cryptography.OpenSsl (4.3) - restriction: || (&& (== net461) (< net46) (>= netstandard2.0)) (== net50) (== netstandard2.0) (== netstandard2.1)
    runtime.native.System (4.3) - restriction: || (&& (== net461) (< net46) (>= netstandard2.0)) (== net50) (== netstandard2.0) (== netstandard2.1)
      Microsoft.NETCore.Platforms (>= 1.1)
      Microsoft.NETCore.Targets (>= 1.1)
    runtime.native.System.Net.Http (4.3) - restriction: || (&& (== net461) (< net45) (>= netstandard2.0)) (== net50) (== netstandard2.0) (== netstandard2.1)
      Microsoft.NETCore.Platforms (>= 1.1)
      Microsoft.NETCore.Targets (>= 1.1)
    runtime.native.System.Net.Security (4.3) - restriction: || (&& (== net461) (< net46) (>= netstandard2.0)) (== net50) (== netstandard2.0) (== netstandard2.1)
      Microsoft.NETCore.Platforms (>= 1.1)
      Microsoft.NETCore.Targets (>= 1.1)
    runtime.native.System.Security.Cryptography.Apple (4.3) - restriction: || (&& (== net461) (< net46) (>= netstandard2.0)) (== net50) (== netstandard2.0) (== netstandard2.1)
      runtime.osx.10.10-x64.runtime.native.System.Security.Cryptography.Apple (>= 4.3)
    runtime.native.System.Security.Cryptography.OpenSsl (4.3) - restriction: || (&& (== net461) (< net46) (>= netstandard2.0)) (== net50) (== netstandard2.0) (== netstandard2.1)
      runtime.debian.8-x64.runtime.native.System.Security.Cryptography.OpenSsl (>= 4.3)
      runtime.fedora.23-x64.runtime.native.System.Security.Cryptography.OpenSsl (>= 4.3)
      runtime.fedora.24-x64.runtime.native.System.Security.Cryptography.OpenSsl (>= 4.3)
      runtime.opensuse.13.2-x64.runtime.native.System.Security.Cryptography.OpenSsl (>= 4.3)
      runtime.opensuse.42.1-x64.runtime.native.System.Security.Cryptography.OpenSsl (>= 4.3)
      runtime.osx.10.10-x64.runtime.native.System.Security.Cryptography.OpenSsl (>= 4.3)
      runtime.rhel.7-x64.runtime.native.System.Security.Cryptography.OpenSsl (>= 4.3)
      runtime.ubuntu.14.04-x64.runtime.native.System.Security.Cryptography.OpenSsl (>= 4.3)
      runtime.ubuntu.16.04-x64.runtime.native.System.Security.Cryptography.OpenSsl (>= 4.3)
      runtime.ubuntu.16.10-x64.runtime.native.System.Security.Cryptography.OpenSsl (>= 4.3)
    runtime.opensuse.13.2-x64.runtime.native.System.Security.Cryptography.OpenSsl (4.3) - restriction: || (&& (== net461) (< net46) (>= netstandard2.0)) (== net50) (== netstandard2.0) (== netstandard2.1)
    runtime.opensuse.42.1-x64.runtime.native.System.Security.Cryptography.OpenSsl (4.3) - restriction: || (&& (== net461) (< net46) (>= netstandard2.0)) (== net50) (== netstandard2.0) (== netstandard2.1)
    runtime.osx.10.10-x64.runtime.native.System.Security.Cryptography.Apple (4.3) - restriction: || (&& (== net461) (< net46) (>= netstandard2.0)) (== net50) (== netstandard2.0) (== netstandard2.1)
    runtime.osx.10.10-x64.runtime.native.System.Security.Cryptography.OpenSsl (4.3) - restriction: || (&& (== net461) (< net46) (>= netstandard2.0)) (== net50) (== netstandard2.0) (== netstandard2.1)
    runtime.rhel.7-x64.runtime.native.System.Security.Cryptography.OpenSsl (4.3) - restriction: || (&& (== net461) (< net46) (>= netstandard2.0)) (== net50) (== netstandard2.0) (== netstandard2.1)
    runtime.ubuntu.14.04-x64.runtime.native.System.Security.Cryptography.OpenSsl (4.3) - restriction: || (&& (== net461) (< net46) (>= netstandard2.0)) (== net50) (== netstandard2.0) (== netstandard2.1)
    runtime.ubuntu.16.04-x64.runtime.native.System.Security.Cryptography.OpenSsl (4.3) - restriction: || (&& (== net461) (< net46) (>= netstandard2.0)) (== net50) (== netstandard2.0) (== netstandard2.1)
    runtime.ubuntu.16.10-x64.runtime.native.System.Security.Cryptography.OpenSsl (4.3) - restriction: || (&& (== net461) (< net46) (>= netstandard2.0)) (== net50) (== netstandard2.0) (== netstandard2.1)
    System.Buffers (4.5.1) - restriction: || (&& (== net461) (>= netstandard2.0)) (&& (== net461) (>= xamarinios)) (&& (== net461) (>= xamarinmac)) (== net50) (== netstandard2.0) (== netstandard2.1)
    System.CodeDom (4.4) - restriction: || (&& (== net461) (>= netstandard2.0)) (== net50) (== netstandard2.0) (== netstandard2.1)
    System.Collections (4.3) - restriction: || (&& (== net461) (< net46) (>= netstandard2.0)) (== net50) (== netstandard2.0) (== netstandard2.1)
      Microsoft.NETCore.Platforms (>= 1.1) - restriction: || (&& (== net461) (< net45)) (== net50) (== netstandard2.0) (== netstandard2.1)
      Microsoft.NETCore.Targets (>= 1.1) - restriction: || (&& (== net461) (< net45)) (== net50) (== netstandard2.0) (== netstandard2.1)
      System.Runtime (>= 4.3) - restriction: || (&& (== net461) (< net45)) (== net50) (== netstandard2.0) (== netstandard2.1)
    System.Collections.Concurrent (4.3) - restriction: || (&& (== net461) (< net46) (>= netstandard2.0)) (== net50) (== netstandard2.0) (== netstandard2.1)
      System.Collections (>= 4.3) - restriction: || (&& (== net461) (< net45)) (== net50) (== netstandard2.0) (== netstandard2.1)
      System.Diagnostics.Debug (>= 4.3) - restriction: || (&& (== net461) (< net45)) (== net50) (== netstandard2.0) (== netstandard2.1)
      System.Diagnostics.Tracing (>= 4.3) - restriction: || (&& (== net461) (< net45)) (== net50) (== netstandard2.0) (== netstandard2.1)
      System.Globalization (>= 4.3) - restriction: || (&& (== net461) (< net45)) (== net50) (== netstandard2.0) (== netstandard2.1)
      System.Reflection (>= 4.3) - restriction: || (&& (== net461) (< net45)) (== net50) (== netstandard2.0) (== netstandard2.1)
      System.Resources.ResourceManager (>= 4.3) - restriction: || (&& (== net461) (< net45)) (== net50) (== netstandard2.0) (== netstandard2.1)
      System.Runtime (>= 4.3) - restriction: || (&& (== net461) (< net45)) (== net50) (== netstandard2.0) (== netstandard2.1)
      System.Runtime.Extensions (>= 4.3) - restriction: || (&& (== net461) (< net45)) (== net50) (== netstandard2.0) (== netstandard2.1)
      System.Threading (>= 4.3) - restriction: || (&& (== net461) (< net45)) (== net50) (== netstandard2.0) (== netstandard2.1)
      System.Threading.Tasks (>= 4.3) - restriction: || (&& (== net461) (< net45)) (== net50) (== netstandard2.0) (== netstandard2.1)
    System.Collections.Immutable (5.0) - restriction: || (&& (== net461) (>= netstandard2.0)) (== net50) (== netstandard2.0) (== netstandard2.1)
      System.Memory (>= 4.5.4) - restriction: || (== net461) (&& (== net50) (>= net461)) (&& (== net50) (< netcoreapp2.1)) (&& (== net50) (< netstandard2.0)) (&& (== net50) (>= uap10.1)) (== netstandard2.0) (== netstandard2.1)
    System.Diagnostics.Debug (4.3) - restriction: || (&& (== net461) (< net46) (>= netstandard2.0)) (== net50) (== netstandard2.0) (== netstandard2.1)
      Microsoft.NETCore.Platforms (>= 1.1) - restriction: || (&& (== net461) (< net45)) (== net50) (== netstandard2.0) (== netstandard2.1)
      Microsoft.NETCore.Targets (>= 1.1) - restriction: || (&& (== net461) (< net45)) (== net50) (== netstandard2.0) (== netstandard2.1)
      System.Runtime (>= 4.3) - restriction: || (&& (== net461) (< net45)) (== net50) (== netstandard2.0) (== netstandard2.1)
    System.Diagnostics.DiagnosticSource (4.3) - restriction: || (&& (== net461) (< net45) (>= netstandard2.0)) (== net50) (== netstandard2.0) (== netstandard2.1)
      System.Collections (>= 4.3) - restriction: || (&& (== net461) (< net45)) (== net50) (== netstandard2.0) (== netstandard2.1)
      System.Diagnostics.Tracing (>= 4.3) - restriction: || (&& (== net461) (< net45)) (== net50) (== netstandard2.0) (== netstandard2.1)
      System.Reflection (>= 4.3) - restriction: || (&& (== net461) (< net45)) (== net50) (== netstandard2.0) (== netstandard2.1)
      System.Runtime (>= 4.3) - restriction: || (&& (== net461) (< net45)) (== net50) (== netstandard2.0) (== netstandard2.1)
      System.Threading (>= 4.3) - restriction: || (&& (== net461) (< net45)) (== net50) (== netstandard2.0) (== netstandard2.1)
    System.Diagnostics.Process (4.3) - restriction: || (&& (== net461) (>= netstandard2.0)) (== net50) (== netstandard2.0) (== netstandard2.1)
      Microsoft.NETCore.Platforms (>= 1.1) - restriction: || (&& (== net461) (< net46)) (== net50) (== netstandard2.0) (== netstandard2.1)
      Microsoft.Win32.Primitives (>= 4.3) - restriction: || (&& (== net461) (< net46)) (== net50) (== netstandard2.0) (== netstandard2.1)
      Microsoft.Win32.Registry (>= 4.3) - restriction: || (&& (== net461) (< net46)) (== net50) (== netstandard2.0) (== netstandard2.1)
      runtime.native.System (>= 4.3) - restriction: || (&& (== net461) (< net46)) (== net50) (== netstandard2.0) (== netstandard2.1)
      System.Collections (>= 4.3) - restriction: || (&& (== net461) (< net46)) (== net50) (== netstandard2.0) (== netstandard2.1)
      System.Diagnostics.Debug (>= 4.3) - restriction: || (&& (== net461) (< net46)) (== net50) (== netstandard2.0) (== netstandard2.1)
      System.Globalization (>= 4.3) - restriction: || (&& (== net461) (< net46)) (== net50) (== netstandard2.0) (== netstandard2.1)
      System.IO (>= 4.3) - restriction: || (&& (== net461) (< net46)) (== net50) (== netstandard2.0) (== netstandard2.1)
      System.IO.FileSystem (>= 4.3) - restriction: || (&& (== net461) (< net46)) (== net50) (== netstandard2.0) (== netstandard2.1)
      System.IO.FileSystem.Primitives (>= 4.3) - restriction: || (&& (== net461) (< net46)) (== net50) (== netstandard2.0) (== netstandard2.1)
      System.Resources.ResourceManager (>= 4.3) - restriction: || (&& (== net461) (< net46)) (== net50) (== netstandard2.0) (== netstandard2.1)
      System.Runtime (>= 4.3) - restriction: || (&& (== net461) (< net46)) (== net50) (== netstandard2.0) (== netstandard2.1)
      System.Runtime.Extensions (>= 4.3) - restriction: || (&& (== net461) (< net46)) (== net50) (== netstandard2.0) (== netstandard2.1)
      System.Runtime.Handles (>= 4.3) - restriction: || (&& (== net461) (< net46)) (== net50) (== netstandard2.0) (== netstandard2.1)
      System.Runtime.InteropServices (>= 4.3) - restriction: || (&& (== net461) (< net46)) (== net50) (== netstandard2.0) (== netstandard2.1)
      System.Text.Encoding (>= 4.3) - restriction: || (&& (== net461) (< net46)) (== net50) (== netstandard2.0) (== netstandard2.1)
      System.Text.Encoding.Extensions (>= 4.3) - restriction: || (&& (== net461) (< net46)) (== net50) (== netstandard2.0) (== netstandard2.1)
      System.Threading (>= 4.3) - restriction: || (&& (== net461) (< net46)) (== net50) (== netstandard2.0) (== netstandard2.1)
      System.Threading.Tasks (>= 4.3) - restriction: || (&& (== net461) (< net46)) (== net50) (== netstandard2.0) (== netstandard2.1)
      System.Threading.Thread (>= 4.3) - restriction: || (&& (== net461) (< net46)) (== net50) (== netstandard2.0) (== netstandard2.1)
      System.Threading.ThreadPool (>= 4.3) - restriction: || (&& (== net461) (< net46)) (== net50) (== netstandard2.0) (== netstandard2.1)
    System.Diagnostics.TraceSource (4.3) - restriction: || (&& (== net461) (>= netstandard2.0)) (== net50) (== netstandard2.0) (== netstandard2.1)
      Microsoft.NETCore.Platforms (>= 1.1) - restriction: || (&& (== net461) (< net46)) (== net50) (== netstandard2.0) (== netstandard2.1)
      runtime.native.System (>= 4.3) - restriction: || (&& (== net461) (< net46)) (== net50) (== netstandard2.0) (== netstandard2.1)
      System.Collections (>= 4.3) - restriction: || (&& (== net461) (< net46)) (== net50) (== netstandard2.0) (== netstandard2.1)
      System.Diagnostics.Debug (>= 4.3) - restriction: || (&& (== net461) (< net46)) (== net50) (== netstandard2.0) (== netstandard2.1)
      System.Globalization (>= 4.3) - restriction: || (&& (== net461) (< net46)) (== net50) (== netstandard2.0) (== netstandard2.1)
      System.Resources.ResourceManager (>= 4.3) - restriction: || (&& (== net461) (< net46)) (== net50) (== netstandard2.0) (== netstandard2.1)
      System.Runtime (>= 4.3) - restriction: || (&& (== net461) (< net46)) (== net50) (== netstandard2.0) (== netstandard2.1)
      System.Runtime.Extensions (>= 4.3) - restriction: || (&& (== net461) (< net46)) (== net50) (== netstandard2.0) (== netstandard2.1)
      System.Threading (>= 4.3) - restriction: || (&& (== net461) (< net46)) (== net50) (== netstandard2.0) (== netstandard2.1)
    System.Diagnostics.Tracing (4.3) - restriction: || (&& (== net461) (< net45) (>= netstandard2.0)) (== net50) (== netstandard2.0) (== netstandard2.1)
      Microsoft.NETCore.Platforms (>= 1.1) - restriction: || (&& (== net461) (< net45)) (== net50) (== netstandard2.0) (== netstandard2.1)
      Microsoft.NETCore.Targets (>= 1.1) - restriction: || (&& (== net461) (< net45)) (== net50) (== netstandard2.0) (== netstandard2.1)
      System.Runtime (>= 4.3) - restriction: || (&& (== net461) (< net45)) (== net50) (== netstandard2.0) (== netstandard2.1)
    System.Drawing.Common (4.7) - restriction: || (&& (== net461) (>= netcoreapp3.0)) (== net50) (&& (== netstandard2.0) (>= netcoreapp3.0)) (&& (== netstandard2.1) (>= netcoreapp3.0))
      Microsoft.NETCore.Platforms (>= 3.1) - restriction: || (&& (== net461) (>= netcoreapp2.0)) (&& (== net461) (>= netcoreapp3.0)) (== net50) (&& (== netstandard2.0) (>= netcoreapp2.0)) (&& (== netstandard2.0) (>= netcoreapp3.0)) (&& (== netstandard2.1) (>= netcoreapp2.0)) (&& (== netstandard2.1) (>= netcoreapp3.0))
      Microsoft.Win32.SystemEvents (>= 4.7) - restriction: || (&& (== net461) (>= netcoreapp2.0)) (&& (== net461) (>= netcoreapp3.0)) (== net50) (&& (== netstandard2.0) (>= netcoreapp2.0)) (&& (== netstandard2.0) (>= netcoreapp3.0)) (&& (== netstandard2.1) (>= netcoreapp2.0)) (&& (== netstandard2.1) (>= netcoreapp3.0))
    System.Globalization (4.3) - restriction: || (&& (== net461) (< net46) (>= netstandard2.0)) (== net50) (== netstandard2.0) (== netstandard2.1)
      Microsoft.NETCore.Platforms (>= 1.1) - restriction: || (&& (== net461) (< net45)) (== net50) (== netstandard2.0) (== netstandard2.1)
      Microsoft.NETCore.Targets (>= 1.1) - restriction: || (&& (== net461) (< net45)) (== net50) (== netstandard2.0) (== netstandard2.1)
      System.Runtime (>= 4.3) - restriction: || (&& (== net461) (< net45)) (== net50) (== netstandard2.0) (== netstandard2.1)
    System.Globalization.Calendars (4.3) - restriction: || (&& (== net461) (< net46) (>= netstandard2.0)) (== net50) (== netstandard2.0) (== netstandard2.1)
      Microsoft.NETCore.Platforms (>= 1.1) - restriction: || (&& (== net461) (< net46)) (== net50) (== netstandard2.0) (== netstandard2.1)
      Microsoft.NETCore.Targets (>= 1.1) - restriction: || (&& (== net461) (< net46)) (== net50) (== netstandard2.0) (== netstandard2.1)
      System.Globalization (>= 4.3) - restriction: || (&& (== net461) (< net46)) (== net50) (== netstandard2.0) (== netstandard2.1)
      System.Runtime (>= 4.3) - restriction: || (&& (== net461) (< net46)) (== net50) (== netstandard2.0) (== netstandard2.1)
    System.Globalization.Extensions (4.3) - restriction: || (&& (== net461) (< net46) (>= netstandard2.0)) (== net50) (== netstandard2.0) (== netstandard2.1)
      Microsoft.NETCore.Platforms (>= 1.1) - restriction: || (&& (== net461) (< net46)) (== net50) (== netstandard2.0) (== netstandard2.1)
      System.Globalization (>= 4.3) - restriction: || (&& (== net461) (< net46)) (== net50) (== netstandard2.0) (== netstandard2.1)
      System.Resources.ResourceManager (>= 4.3) - restriction: || (&& (== net461) (< net46)) (== net50) (== netstandard2.0) (== netstandard2.1)
      System.Runtime (>= 4.3) - restriction: || (&& (== net461) (< net46)) (== net50) (== netstandard2.0) (== netstandard2.1)
      System.Runtime.Extensions (>= 4.3) - restriction: || (&& (== net461) (< net46)) (== net50) (== netstandard2.0) (== netstandard2.1)
      System.Runtime.InteropServices (>= 4.3) - restriction: || (&& (== net461) (< net46)) (== net50) (== netstandard2.0) (== netstandard2.1)
    System.IO (4.3) - restriction: || (&& (== net461) (< net46) (>= netstandard2.0)) (== net50) (== netstandard2.0) (== netstandard2.1)
      Microsoft.NETCore.Platforms (>= 1.1) - restriction: || (&& (== net461) (< net45)) (== net50) (== netstandard2.0) (== netstandard2.1)
      Microsoft.NETCore.Targets (>= 1.1) - restriction: || (&& (== net461) (< net45)) (== net50) (== netstandard2.0) (== netstandard2.1)
      System.Runtime (>= 4.3) - restriction: || (&& (== net461) (< net45)) (== net50) (== netstandard2.0) (== netstandard2.1)
      System.Text.Encoding (>= 4.3) - restriction: || (&& (== net461) (< net45)) (== net50) (== netstandard2.0) (== netstandard2.1)
      System.Threading.Tasks (>= 4.3) - restriction: || (&& (== net461) (< net45)) (== net50) (== netstandard2.0) (== netstandard2.1)
    System.IO.FileSystem (4.3) - restriction: || (&& (== net461) (< net46) (>= netstandard2.0)) (== net50) (== netstandard2.0) (== netstandard2.1)
      Microsoft.NETCore.Platforms (>= 1.1) - restriction: || (&& (== net461) (< net46)) (== net50) (== netstandard2.0) (== netstandard2.1)
      Microsoft.NETCore.Targets (>= 1.1) - restriction: || (&& (== net461) (< net46)) (== net50) (== netstandard2.0) (== netstandard2.1)
      System.IO (>= 4.3) - restriction: || (&& (== net461) (< net46)) (== net50) (== netstandard2.0) (== netstandard2.1)
      System.IO.FileSystem.Primitives (>= 4.3)
      System.Runtime (>= 4.3) - restriction: || (&& (== net461) (< net46)) (== net50) (== netstandard2.0) (== netstandard2.1)
      System.Runtime.Handles (>= 4.3) - restriction: || (&& (== net461) (< net46)) (== net50) (== netstandard2.0) (== netstandard2.1)
      System.Text.Encoding (>= 4.3) - restriction: || (&& (== net461) (< net46)) (== net50) (== netstandard2.0) (== netstandard2.1)
      System.Threading.Tasks (>= 4.3) - restriction: || (&& (== net461) (< net46)) (== net50) (== netstandard2.0) (== netstandard2.1)
    System.IO.FileSystem.Primitives (4.3) - restriction: || (&& (== net461) (< net46) (>= netstandard2.0)) (== net50) (== netstandard2.0) (== netstandard2.1)
      System.Runtime (>= 4.3) - restriction: || (&& (== net461) (< net46)) (== net50) (== netstandard2.0) (== netstandard2.1)
    System.Linq (4.3) - restriction: || (&& (== net461) (< net45) (>= netstandard2.0)) (== net50) (== netstandard2.0) (== netstandard2.1)
      System.Collections (>= 4.3) - restriction: || (&& (== net461) (< net45)) (== net50) (== netstandard2.0) (== netstandard2.1)
      System.Diagnostics.Debug (>= 4.3) - restriction: || (&& (== net461) (< net45) (>= netstandard1.6)) (== net50) (== netstandard2.0) (== netstandard2.1)
      System.Resources.ResourceManager (>= 4.3) - restriction: || (&& (== net461) (< net45) (>= netstandard1.6)) (== net50) (== netstandard2.0) (== netstandard2.1)
      System.Runtime (>= 4.3) - restriction: || (&& (== net461) (< net45)) (== net50) (== netstandard2.0) (== netstandard2.1)
      System.Runtime.Extensions (>= 4.3) - restriction: || (&& (== net461) (< net45) (>= netstandard1.6)) (== net50) (== netstandard2.0) (== netstandard2.1)
    System.Linq.Expressions (4.3) - restriction: || (&& (== net461) (>= netstandard2.0)) (== net50) (== netstandard2.0) (== netstandard2.1)
      System.Collections (>= 4.3) - restriction: || (&& (== net461) (< net45) (>= netstandard1.6)) (== net50) (== netstandard2.0) (== netstandard2.1)
      System.Diagnostics.Debug (>= 4.3) - restriction: || (&& (== net461) (< net45) (>= netstandard1.6)) (== net50) (== netstandard2.0) (== netstandard2.1)
      System.Globalization (>= 4.3) - restriction: || (&& (== net461) (< net45) (>= netstandard1.6)) (== net50) (== netstandard2.0) (== netstandard2.1)
      System.IO (>= 4.3) - restriction: || (&& (== net461) (< net45) (>= netstandard1.6)) (== net50) (== netstandard2.0) (== netstandard2.1)
      System.Linq (>= 4.3) - restriction: || (&& (== net461) (< net45) (>= netstandard1.6)) (== net50) (== netstandard2.0) (== netstandard2.1)
      System.ObjectModel (>= 4.3) - restriction: || (&& (== net461) (< net45) (>= netstandard1.6)) (== net50) (== netstandard2.0) (== netstandard2.1)
      System.Reflection (>= 4.3) - restriction: || (&& (== net461) (< net45)) (== net50) (== netstandard2.0) (== netstandard2.1)
      System.Reflection.Emit (>= 4.3) - restriction: || (&& (== net461) (< net45) (>= netstandard1.6)) (== net50) (== netstandard2.0) (== netstandard2.1)
      System.Reflection.Emit.ILGeneration (>= 4.3) - restriction: || (&& (== net461) (< net45) (>= netstandard1.6)) (== net50) (== netstandard2.0) (== netstandard2.1)
      System.Reflection.Emit.Lightweight (>= 4.3) - restriction: || (&& (== net461) (< net45) (>= netstandard1.6)) (== net50) (== netstandard2.0) (== netstandard2.1)
      System.Reflection.Extensions (>= 4.3) - restriction: || (&& (== net461) (< net45) (>= netstandard1.6)) (== net50) (== netstandard2.0) (== netstandard2.1)
      System.Reflection.Primitives (>= 4.3) - restriction: || (&& (== net461) (< net45) (>= netstandard1.6)) (== net50) (== netstandard2.0) (== netstandard2.1)
      System.Reflection.TypeExtensions (>= 4.3) - restriction: || (&& (== net461) (< net45) (>= netstandard1.6)) (== net50) (== netstandard2.0) (== netstandard2.1)
      System.Resources.ResourceManager (>= 4.3) - restriction: || (&& (== net461) (< net45) (>= netstandard1.6)) (== net50) (== netstandard2.0) (== netstandard2.1)
      System.Runtime (>= 4.3) - restriction: || (&& (== net461) (< net45)) (== net50) (== netstandard2.0) (== netstandard2.1)
      System.Runtime.Extensions (>= 4.3) - restriction: || (&& (== net461) (< net45) (>= netstandard1.6)) (== net50) (== netstandard2.0) (== netstandard2.1)
      System.Threading (>= 4.3) - restriction: || (&& (== net461) (< net45) (>= netstandard1.6)) (== net50) (== netstandard2.0) (== netstandard2.1)
    System.Linq.Queryable (4.3) - restriction: || (&& (== net461) (>= netstandard2.0)) (== net50) (== netstandard2.0) (== netstandard2.1)
      System.Collections (>= 4.3) - restriction: || (&& (== net461) (< net45)) (== net50) (== netstandard2.0) (== netstandard2.1)
      System.Diagnostics.Debug (>= 4.3) - restriction: || (&& (== net461) (< net45)) (== net50) (== netstandard2.0) (== netstandard2.1)
      System.Linq (>= 4.3) - restriction: || (&& (== net461) (< net45)) (== net50) (== netstandard2.0) (== netstandard2.1)
      System.Linq.Expressions (>= 4.3) - restriction: || (&& (== net461) (< net45)) (== net50) (== netstandard2.0) (== netstandard2.1)
      System.Reflection (>= 4.3) - restriction: || (&& (== net461) (< net45)) (== net50) (== netstandard2.0) (== netstandard2.1)
      System.Reflection.Extensions (>= 4.3) - restriction: || (&& (== net461) (< net45)) (== net50) (== netstandard2.0) (== netstandard2.1)
      System.Resources.ResourceManager (>= 4.3) - restriction: || (&& (== net461) (< net45)) (== net50) (== netstandard2.0) (== netstandard2.1)
      System.Runtime (>= 4.3) - restriction: || (&& (== net461) (< net45)) (== net50) (== netstandard2.0) (== netstandard2.1)
    System.Memory (4.5.4) - restriction: || (&& (== net461) (>= netstandard2.0)) (== net50) (== netstandard2.0) (== netstandard2.1)
      System.Buffers (>= 4.5.1) - restriction: || (== net461) (&& (== net50) (>= monotouch)) (&& (== net50) (>= net461)) (&& (== net50) (< netcoreapp2.0)) (&& (== net50) (< netstandard1.1)) (&& (== net50) (< netstandard2.0)) (&& (== net50) (>= xamarinios)) (&& (== net50) (>= xamarinmac)) (&& (== net50) (>= xamarintvos)) (&& (== net50) (>= xamarinwatchos)) (== netstandard2.0) (== netstandard2.1)
      System.Numerics.Vectors (>= 4.4) - restriction: || (&& (== net461) (< net45) (>= netstandard2.0)) (&& (== net50) (< netcoreapp2.0)) (== netstandard2.0) (== netstandard2.1)
      System.Runtime.CompilerServices.Unsafe (>= 4.5.3) - restriction: || (== net461) (&& (== net50) (>= monotouch)) (&& (== net50) (>= net461)) (&& (== net50) (< netcoreapp2.0)) (&& (== net50) (< netcoreapp2.1)) (&& (== net50) (< netstandard1.1)) (&& (== net50) (< netstandard2.0)) (&& (== net50) (>= uap10.1)) (&& (== net50) (>= xamarinios)) (&& (== net50) (>= xamarinmac)) (&& (== net50) (>= xamarintvos)) (&& (== net50) (>= xamarinwatchos)) (== netstandard2.0) (== netstandard2.1)
    System.Net.Http (4.3) - restriction: || (&& (== net461) (< net45) (>= netstandard2.0)) (== net50) (== netstandard2.0) (== netstandard2.1)
      Microsoft.NETCore.Platforms (>= 1.1) - restriction: || (&& (== net461) (< net45)) (== net50) (== netstandard2.0) (== netstandard2.1)
      runtime.native.System (>= 4.3) - restriction: || (&& (== net461) (< net45) (>= netstandard1.6)) (== net50) (== netstandard2.0) (== netstandard2.1)
      runtime.native.System.Net.Http (>= 4.3) - restriction: || (&& (== net461) (< net45) (>= netstandard1.6)) (== net50) (== netstandard2.0) (== netstandard2.1)
      runtime.native.System.Security.Cryptography.OpenSsl (>= 4.3) - restriction: || (&& (== net461) (< net45) (>= netstandard1.6)) (== net50) (== netstandard2.0) (== netstandard2.1)
      System.Collections (>= 4.3) - restriction: || (&& (== net461) (< net45)) (== net50) (== netstandard2.0) (== netstandard2.1)
      System.Diagnostics.Debug (>= 4.3) - restriction: || (&& (== net461) (< net45)) (== net50) (== netstandard2.0) (== netstandard2.1)
      System.Diagnostics.DiagnosticSource (>= 4.3)
      System.Diagnostics.Tracing (>= 4.3) - restriction: || (&& (== net461) (< net45)) (== net50) (== netstandard2.0) (== netstandard2.1)
      System.Globalization (>= 4.3) - restriction: || (&& (== net461) (< net45)) (== net50) (== netstandard2.0) (== netstandard2.1)
      System.Globalization.Extensions (>= 4.3) - restriction: || (&& (== net461) (< net45) (>= netstandard1.6)) (== net50) (== netstandard2.0) (== netstandard2.1)
      System.IO (>= 4.3) - restriction: || (&& (== net461) (< net45)) (== net50) (== netstandard2.0) (== netstandard2.1)
      System.IO.FileSystem (>= 4.3) - restriction: || (&& (== net461) (< net45) (>= netstandard1.6)) (== net50) (== netstandard2.0) (== netstandard2.1)
      System.Net.Primitives (>= 4.3) - restriction: || (&& (== net461) (< net45)) (== net50) (== netstandard2.0) (== netstandard2.1)
      System.Resources.ResourceManager (>= 4.3) - restriction: || (&& (== net461) (< net45)) (== net50) (== netstandard2.0) (== netstandard2.1)
      System.Runtime (>= 4.3) - restriction: || (&& (== net461) (< net45)) (== net50) (== netstandard2.0) (== netstandard2.1)
      System.Runtime.Extensions (>= 4.3) - restriction: || (&& (== net461) (< net45)) (== net50) (== netstandard2.0) (== netstandard2.1)
      System.Runtime.Handles (>= 4.3) - restriction: || (&& (== net461) (< net45)) (== net50) (== netstandard2.0) (== netstandard2.1)
      System.Runtime.InteropServices (>= 4.3) - restriction: || (&& (== net461) (< net45)) (== net50) (== netstandard2.0) (== netstandard2.1)
      System.Security.Cryptography.Algorithms (>= 4.3) - restriction: || (&& (== net461) (< net45) (>= netstandard1.6)) (== net50) (== netstandard2.0) (== netstandard2.1)
      System.Security.Cryptography.Encoding (>= 4.3) - restriction: || (&& (== net461) (< net45) (>= netstandard1.6)) (== net50) (== netstandard2.0) (== netstandard2.1)
      System.Security.Cryptography.OpenSsl (>= 4.3) - restriction: || (&& (== net461) (< net45) (>= netstandard1.6)) (== net50) (== netstandard2.0) (== netstandard2.1)
      System.Security.Cryptography.Primitives (>= 4.3) - restriction: || (&& (== net461) (< net45) (>= netstandard1.6)) (== net50) (== netstandard2.0) (== netstandard2.1)
      System.Security.Cryptography.X509Certificates (>= 4.3)
      System.Text.Encoding (>= 4.3) - restriction: || (&& (== net461) (< net45)) (== net50) (== netstandard2.0) (== netstandard2.1)
      System.Threading (>= 4.3) - restriction: || (&& (== net461) (< net45)) (== net50) (== netstandard2.0) (== netstandard2.1)
      System.Threading.Tasks (>= 4.3) - restriction: || (&& (== net461) (< net45)) (== net50) (== netstandard2.0) (== netstandard2.1)
    System.Net.Primitives (4.3) - restriction: || (&& (== net461) (< net45) (>= netstandard2.0)) (&& (== net461) (< netstandard1.1) (>= netstandard2.0)) (== net50) (== netstandard2.0) (== netstandard2.1)
      Microsoft.NETCore.Platforms (>= 1.1) - restriction: || (&& (== net461) (< net45)) (&& (== net461) (< netstandard1.1)) (== net50) (== netstandard2.0) (== netstandard2.1)
      Microsoft.NETCore.Targets (>= 1.1) - restriction: || (&& (== net461) (< net45)) (&& (== net461) (< netstandard1.1)) (== net50) (== netstandard2.0) (== netstandard2.1)
      System.Runtime (>= 4.3) - restriction: || (&& (== net461) (< net45)) (&& (== net461) (< netstandard1.1)) (== net50) (== netstandard2.0) (== netstandard2.1)
      System.Runtime.Handles (>= 4.3) - restriction: || (&& (== net461) (< net45)) (== net50) (== netstandard2.0) (== netstandard2.1)
    System.Net.Requests (4.3) - restriction: || (&& (== net461) (>= netstandard2.0)) (== net50) (== netstandard2.0) (== netstandard2.1)
      Microsoft.NETCore.Platforms (>= 1.1) - restriction: || (&& (== net461) (< net45)) (== net50) (== netstandard2.0) (== netstandard2.1)
      System.Collections (>= 4.3) - restriction: || (&& (== net461) (< net45)) (== net50) (== netstandard2.0) (== netstandard2.1)
      System.Diagnostics.Debug (>= 4.3) - restriction: || (&& (== net461) (< net45)) (== net50) (== netstandard2.0) (== netstandard2.1)
      System.Diagnostics.Tracing (>= 4.3) - restriction: || (&& (== net461) (< net45)) (== net50) (== netstandard2.0) (== netstandard2.1)
      System.Globalization (>= 4.3) - restriction: || (&& (== net461) (< net45)) (== net50) (== netstandard2.0) (== netstandard2.1)
      System.IO (>= 4.3) - restriction: || (&& (== net461) (< net45)) (&& (== net461) (< netstandard1.1)) (== net50) (== netstandard2.0) (== netstandard2.1)
      System.Net.Http (>= 4.3) - restriction: || (&& (== net461) (< net45)) (== net50) (== netstandard2.0) (== netstandard2.1)
      System.Net.Primitives (>= 4.3) - restriction: || (&& (== net461) (< net45)) (&& (== net461) (< netstandard1.1)) (== net50) (== netstandard2.0) (== netstandard2.1)
      System.Net.WebHeaderCollection (>= 4.3) - restriction: || (&& (== net461) (< net45)) (== net50) (== netstandard2.0) (== netstandard2.1)
      System.Resources.ResourceManager (>= 4.3) - restriction: || (&& (== net461) (< net45)) (== net50) (== netstandard2.0) (== netstandard2.1)
      System.Runtime (>= 4.3) - restriction: || (&& (== net461) (< net45)) (&& (== net461) (< netstandard1.1)) (== net50) (== netstandard2.0) (== netstandard2.1)
      System.Threading (>= 4.3) - restriction: || (&& (== net461) (< net45)) (== net50) (== netstandard2.0) (== netstandard2.1)
      System.Threading.Tasks (>= 4.3) - restriction: || (&& (== net461) (< net45)) (== net50) (== netstandard2.0) (== netstandard2.1)
    System.Net.Security (4.3) - restriction: || (&& (== net461) (>= netstandard2.0)) (== net50) (== netstandard2.0) (== netstandard2.1)
      Microsoft.NETCore.Platforms (>= 1.1) - restriction: || (&& (== net461) (< net46)) (== net50) (== netstandard2.0) (== netstandard2.1)
      Microsoft.Win32.Primitives (>= 4.3) - restriction: || (&& (== net461) (< net46)) (== net50) (== netstandard2.0) (== netstandard2.1)
      runtime.native.System (>= 4.3) - restriction: || (&& (== net461) (< net46) (>= netstandard1.6)) (== net50) (== netstandard2.0) (== netstandard2.1)
      runtime.native.System.Net.Security (>= 4.3) - restriction: || (&& (== net461) (< net46) (>= netstandard1.6)) (== net50) (== netstandard2.0) (== netstandard2.1)
      runtime.native.System.Security.Cryptography.OpenSsl (>= 4.3) - restriction: || (&& (== net461) (< net46) (>= netstandard1.6)) (== net50) (== netstandard2.0) (== netstandard2.1)
      System.Collections (>= 4.3) - restriction: || (&& (== net461) (< net46)) (== net50) (== netstandard2.0) (== netstandard2.1)
      System.Collections.Concurrent (>= 4.3) - restriction: || (&& (== net461) (< net46)) (== net50) (== netstandard2.0) (== netstandard2.1)
      System.Diagnostics.Tracing (>= 4.3) - restriction: || (&& (== net461) (< net46)) (== net50) (== netstandard2.0) (== netstandard2.1)
      System.Globalization (>= 4.3) - restriction: || (&& (== net461) (< net46)) (== net50) (== netstandard2.0) (== netstandard2.1)
      System.Globalization.Extensions (>= 4.3) - restriction: || (&& (== net461) (< net46) (>= netstandard1.6)) (== net50) (== netstandard2.0) (== netstandard2.1)
      System.IO (>= 4.3) - restriction: || (&& (== net461) (< net46)) (== net50) (== netstandard2.0) (== netstandard2.1)
      System.Net.Primitives (>= 4.3) - restriction: || (&& (== net461) (< net46)) (== net50) (== netstandard2.0) (== netstandard2.1)
      System.Resources.ResourceManager (>= 4.3) - restriction: || (&& (== net461) (< net46)) (== net50) (== netstandard2.0) (== netstandard2.1)
      System.Runtime (>= 4.3) - restriction: || (&& (== net461) (< net46)) (== net50) (== netstandard2.0) (== netstandard2.1)
      System.Runtime.Extensions (>= 4.3) - restriction: || (&& (== net461) (< net46)) (== net50) (== netstandard2.0) (== netstandard2.1)
      System.Runtime.Handles (>= 4.3) - restriction: || (&& (== net461) (< net46)) (== net50) (== netstandard2.0) (== netstandard2.1)
      System.Runtime.InteropServices (>= 4.3) - restriction: || (&& (== net461) (< net46)) (== net50) (== netstandard2.0) (== netstandard2.1)
      System.Security.Claims (>= 4.3) - restriction: || (&& (== net461) (< net46)) (== net50) (== netstandard2.0) (== netstandard2.1)
      System.Security.Cryptography.Algorithms (>= 4.3) - restriction: || (&& (== net461) (< net46) (>= netstandard1.6)) (== net50) (== netstandard2.0) (== netstandard2.1)
      System.Security.Cryptography.Encoding (>= 4.3) - restriction: || (&& (== net461) (< net46)) (== net50) (== netstandard2.0) (== netstandard2.1)
      System.Security.Cryptography.OpenSsl (>= 4.3) - restriction: || (&& (== net461) (< net46) (>= netstandard1.6)) (== net50) (== netstandard2.0) (== netstandard2.1)
      System.Security.Cryptography.Primitives (>= 4.3) - restriction: || (&& (== net461) (< net46)) (== net50) (== netstandard2.0) (== netstandard2.1)
      System.Security.Cryptography.X509Certificates (>= 4.3)
      System.Security.Principal (>= 4.3) - restriction: || (&& (== net461) (< net46)) (== net50) (== netstandard2.0) (== netstandard2.1)
      System.Text.Encoding (>= 4.3) - restriction: || (&& (== net461) (< net46) (>= netstandard1.6)) (== net50) (== netstandard2.0) (== netstandard2.1)
      System.Threading (>= 4.3) - restriction: || (&& (== net461) (< net46)) (== net50) (== netstandard2.0) (== netstandard2.1)
      System.Threading.Tasks (>= 4.3) - restriction: || (&& (== net461) (< net46)) (== net50) (== netstandard2.0) (== netstandard2.1)
      System.Threading.ThreadPool (>= 4.3) - restriction: || (&& (== net461) (< net46)) (== net50) (== netstandard2.0) (== netstandard2.1)
    System.Net.WebHeaderCollection (4.3) - restriction: || (&& (== net461) (< net45) (>= netstandard2.0)) (== net50) (== netstandard2.0) (== netstandard2.1)
      System.Collections (>= 4.3) - restriction: || (&& (== net461) (< net46)) (== net50) (== netstandard2.0) (== netstandard2.1)
      System.Resources.ResourceManager (>= 4.3) - restriction: || (&& (== net461) (< net46)) (== net50) (== netstandard2.0) (== netstandard2.1)
      System.Runtime (>= 4.3) - restriction: || (&& (== net461) (< net46)) (== net50) (== netstandard2.0) (== netstandard2.1)
      System.Runtime.Extensions (>= 4.3) - restriction: || (&& (== net461) (< net46)) (== net50) (== netstandard2.0) (== netstandard2.1)
    System.Numerics.Vectors (4.4) - restriction: || (&& (== net461) (== net50)) (&& (== net461) (< net45) (>= netstandard2.0)) (&& (== net50) (< netcoreapp2.0)) (== netstandard2.0) (== netstandard2.1)
    System.ObjectModel (4.3) - restriction: || (&& (== net461) (< net45) (>= netstandard2.0)) (== net50) (== netstandard2.0) (== netstandard2.1)
      System.Collections (>= 4.3) - restriction: || (&& (== net461) (< net45)) (== net50) (== netstandard2.0) (== netstandard2.1)
      System.Diagnostics.Debug (>= 4.3) - restriction: || (&& (== net461) (< net45)) (== net50) (== netstandard2.0) (== netstandard2.1)
      System.Resources.ResourceManager (>= 4.3) - restriction: || (&& (== net461) (< net45)) (== net50) (== netstandard2.0) (== netstandard2.1)
      System.Runtime (>= 4.3) - restriction: || (&& (== net461) (< net45)) (== net50) (== netstandard2.0) (== netstandard2.1)
      System.Threading (>= 4.3) - restriction: || (&& (== net461) (< net45)) (== net50) (== netstandard2.0) (== netstandard2.1)
    System.Reflection (4.3) - restriction: || (&& (== net461) (< net45) (>= netstandard2.0)) (== net50) (== netstandard2.0) (== netstandard2.1)
      Microsoft.NETCore.Platforms (>= 1.1) - restriction: || (&& (== net461) (< net45)) (== net50) (== netstandard2.0) (== netstandard2.1)
      Microsoft.NETCore.Targets (>= 1.1) - restriction: || (&& (== net461) (< net45)) (== net50) (== netstandard2.0) (== netstandard2.1)
      System.IO (>= 4.3) - restriction: || (&& (== net461) (< net45)) (== net50) (== netstandard2.0) (== netstandard2.1)
      System.Reflection.Primitives (>= 4.3) - restriction: || (&& (== net461) (< net45)) (== net50) (== netstandard2.0) (== netstandard2.1)
      System.Runtime (>= 4.3) - restriction: || (&& (== net461) (< net45)) (== net50) (== netstandard2.0) (== netstandard2.1)
    System.Reflection.Emit (4.3) - restriction: || (&& (== net461) (>= netstandard2.0)) (== net50) (== netstandard2.0) (== netstandard2.1)
      System.IO (>= 4.3) - restriction: || (&& (== net461) (< net45)) (== net50) (== netstandard2.0) (== netstandard2.1)
      System.Reflection (>= 4.3) - restriction: || (&& (== net461) (< net45)) (== net50) (== netstandard2.0) (== netstandard2.1)
      System.Reflection.Emit.ILGeneration (>= 4.3) - restriction: || (&& (== net461) (< net45)) (== net50) (== netstandard2.0) (== netstandard2.1)
      System.Reflection.Primitives (>= 4.3) - restriction: || (&& (== net461) (< net45)) (== net50) (== netstandard2.0) (== netstandard2.1)
      System.Runtime (>= 4.3) - restriction: || (&& (== net461) (< net45)) (== net50) (== netstandard2.0) (== netstandard2.1)
    System.Reflection.Emit.ILGeneration (4.3) - restriction: || (&& (== net461) (< net45) (>= netstandard2.0)) (== net50) (== netstandard2.0) (== netstandard2.1)
      System.Reflection (>= 4.3) - restriction: || (&& (== net461) (< net45)) (== net50) (== netstandard2.0) (== netstandard2.1)
      System.Reflection.Primitives (>= 4.3) - restriction: || (&& (== net461) (< net45)) (== net50) (== netstandard2.0) (== netstandard2.1)
      System.Runtime (>= 4.3) - restriction: || (&& (== net461) (< net45)) (== net50) (== netstandard2.0) (== netstandard2.1)
    System.Reflection.Emit.Lightweight (4.3) - restriction: || (&& (== net461) (< net45) (>= netstandard2.0)) (== net50) (== netstandard2.0) (== netstandard2.1)
      System.Reflection (>= 4.3) - restriction: || (&& (== net461) (< net45)) (== net50) (== netstandard2.0) (== netstandard2.1)
      System.Reflection.Emit.ILGeneration (>= 4.3) - restriction: || (&& (== net461) (< net45)) (== net50) (== netstandard2.0) (== netstandard2.1)
      System.Reflection.Primitives (>= 4.3) - restriction: || (&& (== net461) (< net45)) (== net50) (== netstandard2.0) (== netstandard2.1)
      System.Runtime (>= 4.3) - restriction: || (&& (== net461) (< net45)) (== net50) (== netstandard2.0) (== netstandard2.1)
    System.Reflection.Extensions (4.3) - restriction: || (&& (== net461) (< net45) (>= netstandard2.0)) (== net50) (== netstandard2.0) (== netstandard2.1)
      Microsoft.NETCore.Platforms (>= 1.1) - restriction: || (&& (== net461) (< net45)) (== net50) (== netstandard2.0) (== netstandard2.1)
      Microsoft.NETCore.Targets (>= 1.1) - restriction: || (&& (== net461) (< net45)) (== net50) (== netstandard2.0) (== netstandard2.1)
      System.Reflection (>= 4.3) - restriction: || (&& (== net461) (< net45)) (== net50) (== netstandard2.0) (== netstandard2.1)
      System.Runtime (>= 4.3) - restriction: || (&& (== net461) (< net45)) (== net50) (== netstandard2.0) (== netstandard2.1)
    System.Reflection.Metadata (5.0) - restriction: || (&& (== net461) (>= netstandard2.0)) (== net50) (== netstandard2.0) (== netstandard2.1)
      System.Collections.Immutable (>= 5.0) - restriction: || (== net461) (&& (== net50) (>= net461)) (&& (== net50) (< netstandard1.1)) (&& (== net50) (< netstandard2.0)) (== netstandard2.0) (== netstandard2.1)
    System.Reflection.Primitives (4.3) - restriction: || (&& (== net461) (< net45) (>= netstandard2.0)) (== net50) (== netstandard2.0) (== netstandard2.1)
      Microsoft.NETCore.Platforms (>= 1.1) - restriction: || (&& (== net461) (< net45)) (== net50) (== netstandard2.0) (== netstandard2.1)
      Microsoft.NETCore.Targets (>= 1.1) - restriction: || (&& (== net461) (< net45)) (== net50) (== netstandard2.0) (== netstandard2.1)
      System.Runtime (>= 4.3) - restriction: || (&& (== net461) (< net45)) (== net50) (== netstandard2.0) (== netstandard2.1)
    System.Reflection.TypeExtensions (4.3) - restriction: || (&& (== net461) (>= netstandard2.0)) (== net50) (== netstandard2.0) (== netstandard2.1)
      System.Reflection (>= 4.3) - restriction: || (&& (== net461) (< net46)) (&& (== net461) (>= net462)) (== net50) (== netstandard2.0) (== netstandard2.1)
      System.Runtime (>= 4.3) - restriction: || (&& (== net461) (< net46)) (== net50) (== netstandard2.0) (== netstandard2.1)
    System.Resources.Extensions (4.6) - restriction: || (&& (== net461) (>= netstandard2.0)) (== net50) (== netstandard2.0) (== netstandard2.1)
      System.Memory (>= 4.5.3) - restriction: || (&& (== net461) (>= netstandard2.0)) (&& (== net50) (< netcoreapp2.1)) (== netstandard2.0) (== netstandard2.1)
    System.Resources.ResourceManager (4.3) - restriction: || (&& (== net461) (< net46) (>= netstandard2.0)) (== net50) (== netstandard2.0) (== netstandard2.1)
      Microsoft.NETCore.Platforms (>= 1.1) - restriction: || (&& (== net461) (< net45)) (== net50) (== netstandard2.0) (== netstandard2.1)
      Microsoft.NETCore.Targets (>= 1.1) - restriction: || (&& (== net461) (< net45)) (== net50) (== netstandard2.0) (== netstandard2.1)
      System.Globalization (>= 4.3) - restriction: || (&& (== net461) (< net45)) (== net50) (== netstandard2.0) (== netstandard2.1)
      System.Reflection (>= 4.3) - restriction: || (&& (== net461) (< net45)) (== net50) (== netstandard2.0) (== netstandard2.1)
      System.Runtime (>= 4.3) - restriction: || (&& (== net461) (< net45)) (== net50) (== netstandard2.0) (== netstandard2.1)
    System.Runtime (4.3) - restriction: || (&& (== net461) (>= netstandard2.0)) (== net50) (== netstandard2.0) (== netstandard2.1)
      Microsoft.NETCore.Platforms (>= 1.1) - restriction: || (&& (== net461) (< net45)) (== net50) (== netstandard2.0) (== netstandard2.1)
      Microsoft.NETCore.Targets (>= 1.1) - restriction: || (&& (== net461) (< net45)) (== net50) (== netstandard2.0) (== netstandard2.1)
    System.Runtime.CompilerServices.Unsafe (4.5.3) - restriction: || (&& (== net461) (== net50)) (&& (== net461) (>= netcoreapp2.0)) (&& (== net461) (>= netstandard2.0)) (&& (== net461) (>= xamarinios)) (&& (== net461) (>= xamarinmac)) (&& (== net50) (>= monotouch)) (&& (== net50) (>= net461)) (&& (== net50) (< netcoreapp2.0)) (&& (== net50) (< netcoreapp2.1)) (&& (== net50) (< netstandard1.1)) (&& (== net50) (< netstandard2.0)) (&& (== net50) (>= uap10.1)) (&& (== net50) (>= xamarinios)) (&& (== net50) (>= xamarinmac)) (&& (== net50) (>= xamarintvos)) (&& (== net50) (>= xamarinwatchos)) (== netstandard2.0) (== netstandard2.1)
    System.Runtime.Extensions (4.3) - restriction: || (&& (== net461) (< net46) (>= netstandard2.0)) (== net50) (== netstandard2.0) (== netstandard2.1)
      Microsoft.NETCore.Platforms (>= 1.1) - restriction: || (&& (== net461) (< net45)) (== net50) (== netstandard2.0) (== netstandard2.1)
      Microsoft.NETCore.Targets (>= 1.1) - restriction: || (&& (== net461) (< net45)) (== net50) (== netstandard2.0) (== netstandard2.1)
      System.Runtime (>= 4.3) - restriction: || (&& (== net461) (< net45)) (== net50) (== netstandard2.0) (== netstandard2.1)
    System.Runtime.Handles (4.3) - restriction: || (&& (== net461) (< net46) (>= netstandard2.0)) (== net50) (== netstandard2.0) (== netstandard2.1)
      Microsoft.NETCore.Platforms (>= 1.1) - restriction: || (&& (== net461) (< net46)) (== net50) (== netstandard2.0) (== netstandard2.1)
      Microsoft.NETCore.Targets (>= 1.1) - restriction: || (&& (== net461) (< net46)) (== net50) (== netstandard2.0) (== netstandard2.1)
      System.Runtime (>= 4.3) - restriction: || (&& (== net461) (< net46)) (== net50) (== netstandard2.0) (== netstandard2.1)
    System.Runtime.InteropServices (4.3) - restriction: || (&& (== net461) (>= netstandard2.0)) (== net50) (== netstandard2.0) (== netstandard2.1)
      Microsoft.NETCore.Platforms (>= 1.1) - restriction: || (&& (== net461) (< net45)) (&& (== net461) (>= netcoreapp1.1)) (== net50) (== netstandard2.0) (== netstandard2.1)
      Microsoft.NETCore.Targets (>= 1.1) - restriction: || (&& (== net461) (< net45)) (&& (== net461) (>= netcoreapp1.1)) (== net50) (== netstandard2.0) (== netstandard2.1)
      System.Reflection (>= 4.3) - restriction: || (&& (== net461) (< net45)) (&& (== net461) (>= netcoreapp1.1)) (== net50) (== netstandard2.0) (== netstandard2.1)
      System.Reflection.Primitives (>= 4.3) - restriction: || (&& (== net461) (< net45)) (&& (== net461) (>= netcoreapp1.1)) (== net50) (== netstandard2.0) (== netstandard2.1)
      System.Runtime (>= 4.3) - restriction: || (&& (== net461) (< net45)) (&& (== net461) (>= net462)) (&& (== net461) (>= netcoreapp1.1)) (== net50) (== netstandard2.0) (== netstandard2.1)
      System.Runtime.Handles (>= 4.3) - restriction: || (&& (== net461) (< net45)) (&& (== net461) (>= netcoreapp1.1)) (== net50) (== netstandard2.0) (== netstandard2.1)
    System.Runtime.Loader (4.3) - restriction: || (&& (== net461) (>= netstandard2.0)) (== net50) (== netstandard2.0) (== netstandard2.1)
      System.IO (>= 4.3) - restriction: || (&& (== net461) (>= netstandard1.5)) (== net50) (== netstandard2.0) (== netstandard2.1)
      System.Reflection (>= 4.3) - restriction: || (&& (== net461) (>= netstandard1.5)) (== net50) (== netstandard2.0) (== netstandard2.1)
      System.Runtime (>= 4.3) - restriction: || (&& (== net461) (>= netstandard1.5)) (== net50) (== netstandard2.0) (== netstandard2.1)
    System.Runtime.Numerics (4.3) - restriction: || (&& (== net461) (< net46) (>= netstandard2.0)) (== net50) (== netstandard2.0) (== netstandard2.1)
      System.Globalization (>= 4.3) - restriction: || (&& (== net461) (< net45)) (== net50) (== netstandard2.0) (== netstandard2.1)
      System.Resources.ResourceManager (>= 4.3) - restriction: || (&& (== net461) (< net45)) (== net50) (== netstandard2.0) (== netstandard2.1)
      System.Runtime (>= 4.3) - restriction: || (&& (== net461) (< net45)) (== net50) (== netstandard2.0) (== netstandard2.1)
      System.Runtime.Extensions (>= 4.3) - restriction: || (&& (== net461) (< net45)) (== net50) (== netstandard2.0) (== netstandard2.1)
    System.Security.AccessControl (4.7) - restriction: || (&& (== net461) (>= netstandard2.0)) (== net50) (== netstandard2.0) (== netstandard2.1)
      Microsoft.NETCore.Platforms (>= 3.1) - restriction: || (&& (== net461) (>= netcoreapp2.0)) (== net50) (&& (== netstandard2.0) (>= netcoreapp2.0)) (&& (== netstandard2.1) (>= netcoreapp2.0))
      System.Security.Principal.Windows (>= 4.7)
    System.Security.Claims (4.3) - restriction: || (&& (== net461) (>= netstandard2.0)) (== net50) (== netstandard2.0) (== netstandard2.1)
      System.Collections (>= 4.3) - restriction: || (&& (== net461) (< net46)) (== net50) (== netstandard2.0) (== netstandard2.1)
      System.Globalization (>= 4.3) - restriction: || (&& (== net461) (< net46)) (== net50) (== netstandard2.0) (== netstandard2.1)
      System.IO (>= 4.3) - restriction: || (&& (== net461) (< net46)) (== net50) (== netstandard2.0) (== netstandard2.1)
      System.Resources.ResourceManager (>= 4.3) - restriction: || (&& (== net461) (< net46)) (== net50) (== netstandard2.0) (== netstandard2.1)
      System.Runtime (>= 4.3) - restriction: || (&& (== net461) (< net46)) (== net50) (== netstandard2.0) (== netstandard2.1)
      System.Runtime.Extensions (>= 4.3) - restriction: || (&& (== net461) (< net46)) (== net50) (== netstandard2.0) (== netstandard2.1)
      System.Security.Principal (>= 4.3) - restriction: || (&& (== net461) (< net46)) (== net50) (== netstandard2.0) (== netstandard2.1)
    System.Security.Cryptography.Algorithms (4.3) - restriction: || (&& (== net461) (>= netstandard2.0)) (== net50) (== netstandard2.0) (== netstandard2.1)
      Microsoft.NETCore.Platforms (>= 1.1) - restriction: || (&& (== net461) (< net46) (>= netstandard1.6)) (== net50) (== netstandard2.0) (== netstandard2.1)
      runtime.native.System.Security.Cryptography.Apple (>= 4.3) - restriction: || (&& (== net461) (< net46) (>= netstandard1.6)) (== net50) (== netstandard2.0) (== netstandard2.1)
      runtime.native.System.Security.Cryptography.OpenSsl (>= 4.3) - restriction: || (&& (== net461) (< net46) (>= netstandard1.6)) (== net50) (== netstandard2.0) (== netstandard2.1)
      System.Collections (>= 4.3) - restriction: || (&& (== net461) (< net46) (>= netstandard1.6)) (== net50) (== netstandard2.0) (== netstandard2.1)
      System.IO (>= 4.3) - restriction: || (&& (== net461) (< net46)) (&& (== net461) (>= net463)) (== net50) (== netstandard2.0) (== netstandard2.1)
      System.Resources.ResourceManager (>= 4.3) - restriction: || (&& (== net461) (< net46) (>= netstandard1.6)) (== net50) (== netstandard2.0) (== netstandard2.1)
      System.Runtime (>= 4.3) - restriction: || (&& (== net461) (< net46)) (&& (== net461) (>= net463)) (== net50) (== netstandard2.0) (== netstandard2.1)
      System.Runtime.Extensions (>= 4.3) - restriction: || (&& (== net461) (< net46) (>= netstandard1.6)) (== net50) (== netstandard2.0) (== netstandard2.1)
      System.Runtime.Handles (>= 4.3) - restriction: || (&& (== net461) (< net46) (>= netstandard1.6)) (== net50) (== netstandard2.0) (== netstandard2.1)
      System.Runtime.InteropServices (>= 4.3) - restriction: || (&& (== net461) (< net46) (>= netstandard1.6)) (== net50) (== netstandard2.0) (== netstandard2.1)
      System.Runtime.Numerics (>= 4.3) - restriction: || (&& (== net461) (< net46) (>= netstandard1.6)) (== net50) (== netstandard2.0) (== netstandard2.1)
      System.Security.Cryptography.Encoding (>= 4.3) - restriction: || (&& (== net461) (< net46) (>= netstandard1.6)) (&& (== net461) (>= net463)) (== net50) (== netstandard2.0) (== netstandard2.1)
      System.Security.Cryptography.Primitives (>= 4.3)
      System.Text.Encoding (>= 4.3) - restriction: || (&& (== net461) (< net46) (>= netstandard1.6)) (== net50) (== netstandard2.0) (== netstandard2.1)
    System.Security.Cryptography.Cng (4.3) - restriction: || (&& (== net461) (< net46) (>= netstandard2.0)) (== net50) (== netstandard2.0) (== netstandard2.1)
      Microsoft.NETCore.Platforms (>= 1.1) - restriction: || (&& (== net461) (< net46)) (== net50) (== netstandard2.0) (== netstandard2.1)
      System.IO (>= 4.3) - restriction: || (&& (== net461) (< net46)) (== net50) (== netstandard2.0) (== netstandard2.1)
      System.Resources.ResourceManager (>= 4.3) - restriction: || (&& (== net461) (< net46)) (== net50) (== netstandard2.0) (== netstandard2.1)
      System.Runtime (>= 4.3) - restriction: || (&& (== net461) (< net46)) (== net50) (== netstandard2.0) (== netstandard2.1)
      System.Runtime.Extensions (>= 4.3) - restriction: || (&& (== net461) (< net46)) (== net50) (== netstandard2.0) (== netstandard2.1)
      System.Runtime.Handles (>= 4.3) - restriction: || (&& (== net461) (< net46)) (== net50) (== netstandard2.0) (== netstandard2.1)
      System.Runtime.InteropServices (>= 4.3) - restriction: || (&& (== net461) (< net46)) (== net50) (== netstandard2.0) (== netstandard2.1)
      System.Security.Cryptography.Algorithms (>= 4.3)
      System.Security.Cryptography.Encoding (>= 4.3) - restriction: || (&& (== net461) (< net46)) (== net50) (== netstandard2.0) (== netstandard2.1)
      System.Security.Cryptography.Primitives (>= 4.3)
      System.Text.Encoding (>= 4.3) - restriction: || (&& (== net461) (< net46)) (== net50) (== netstandard2.0) (== netstandard2.1)
    System.Security.Cryptography.Csp (4.3) - restriction: || (&& (== net461) (< net46) (>= netstandard2.0)) (== net50) (== netstandard2.0) (== netstandard2.1)
      Microsoft.NETCore.Platforms (>= 1.1) - restriction: || (&& (== net461) (< net46)) (== net50) (== netstandard2.0) (== netstandard2.1)
      System.IO (>= 4.3) - restriction: || (&& (== net461) (< net46)) (== net50) (== netstandard2.0) (== netstandard2.1)
      System.Reflection (>= 4.3) - restriction: || (&& (== net461) (< net46)) (== net50) (== netstandard2.0) (== netstandard2.1)
      System.Resources.ResourceManager (>= 4.3) - restriction: || (&& (== net461) (< net46)) (== net50) (== netstandard2.0) (== netstandard2.1)
      System.Runtime (>= 4.3) - restriction: || (&& (== net461) (< net46)) (== net50) (== netstandard2.0) (== netstandard2.1)
      System.Runtime.Extensions (>= 4.3) - restriction: || (&& (== net461) (< net46)) (== net50) (== netstandard2.0) (== netstandard2.1)
      System.Runtime.Handles (>= 4.3) - restriction: || (&& (== net461) (< net46)) (== net50) (== netstandard2.0) (== netstandard2.1)
      System.Runtime.InteropServices (>= 4.3) - restriction: || (&& (== net461) (< net46)) (== net50) (== netstandard2.0) (== netstandard2.1)
      System.Security.Cryptography.Algorithms (>= 4.3)
      System.Security.Cryptography.Encoding (>= 4.3) - restriction: || (&& (== net461) (< net46)) (== net50) (== netstandard2.0) (== netstandard2.1)
      System.Security.Cryptography.Primitives (>= 4.3)
      System.Text.Encoding (>= 4.3) - restriction: || (&& (== net461) (< net46)) (== net50) (== netstandard2.0) (== netstandard2.1)
      System.Threading (>= 4.3) - restriction: || (&& (== net461) (< net46)) (== net50) (== netstandard2.0) (== netstandard2.1)
    System.Security.Cryptography.Encoding (4.3) - restriction: || (&& (== net461) (< net46) (>= netstandard2.0)) (== net50) (== netstandard2.0) (== netstandard2.1)
      Microsoft.NETCore.Platforms (>= 1.1) - restriction: || (&& (== net461) (< net46)) (== net50) (== netstandard2.0) (== netstandard2.1)
      runtime.native.System.Security.Cryptography.OpenSsl (>= 4.3) - restriction: || (&& (== net461) (< net46)) (== net50) (== netstandard2.0) (== netstandard2.1)
      System.Collections (>= 4.3) - restriction: || (&& (== net461) (< net46)) (== net50) (== netstandard2.0) (== netstandard2.1)
      System.Collections.Concurrent (>= 4.3) - restriction: || (&& (== net461) (< net46)) (== net50) (== netstandard2.0) (== netstandard2.1)
      System.Linq (>= 4.3) - restriction: || (&& (== net461) (< net46)) (== net50) (== netstandard2.0) (== netstandard2.1)
      System.Resources.ResourceManager (>= 4.3) - restriction: || (&& (== net461) (< net46)) (== net50) (== netstandard2.0) (== netstandard2.1)
      System.Runtime (>= 4.3) - restriction: || (&& (== net461) (< net46)) (== net50) (== netstandard2.0) (== netstandard2.1)
      System.Runtime.Extensions (>= 4.3) - restriction: || (&& (== net461) (< net46)) (== net50) (== netstandard2.0) (== netstandard2.1)
      System.Runtime.Handles (>= 4.3) - restriction: || (&& (== net461) (< net46)) (== net50) (== netstandard2.0) (== netstandard2.1)
      System.Runtime.InteropServices (>= 4.3) - restriction: || (&& (== net461) (< net46)) (== net50) (== netstandard2.0) (== netstandard2.1)
      System.Security.Cryptography.Primitives (>= 4.3) - restriction: || (&& (== net461) (< net46)) (== net50) (== netstandard2.0) (== netstandard2.1)
      System.Text.Encoding (>= 4.3) - restriction: || (&& (== net461) (< net46)) (== net50) (== netstandard2.0) (== netstandard2.1)
    System.Security.Cryptography.OpenSsl (4.3) - restriction: || (&& (== net461) (< net46) (>= netstandard2.0)) (== net50) (== netstandard2.0) (== netstandard2.1)
      runtime.native.System.Security.Cryptography.OpenSsl (>= 4.3) - restriction: || (&& (== net461) (>= monoandroid)) (&& (== net461) (>= net463)) (&& (== net461) (>= netstandard1.6)) (== net50) (== netstandard2.0) (== netstandard2.1)
      System.Collections (>= 4.3) - restriction: || (&& (== net461) (>= netstandard1.6)) (== net50) (== netstandard2.0) (== netstandard2.1)
      System.IO (>= 4.3) - restriction: || (&& (== net461) (>= net463)) (&& (== net461) (>= netstandard1.6)) (== net50) (== netstandard2.0) (== netstandard2.1)
      System.Resources.ResourceManager (>= 4.3) - restriction: || (&& (== net461) (>= netstandard1.6)) (== net50) (== netstandard2.0) (== netstandard2.1)
      System.Runtime (>= 4.3) - restriction: || (&& (== net461) (>= net463)) (&& (== net461) (>= netstandard1.6)) (== net50) (== netstandard2.0) (== netstandard2.1)
      System.Runtime.Extensions (>= 4.3) - restriction: || (&& (== net461) (>= net463)) (&& (== net461) (>= netstandard1.6)) (== net50) (== netstandard2.0) (== netstandard2.1)
      System.Runtime.Handles (>= 4.3) - restriction: || (&& (== net461) (>= netstandard1.6)) (== net50) (== netstandard2.0) (== netstandard2.1)
      System.Runtime.InteropServices (>= 4.3) - restriction: || (&& (== net461) (>= netstandard1.6)) (== net50) (== netstandard2.0) (== netstandard2.1)
      System.Runtime.Numerics (>= 4.3) - restriction: || (&& (== net461) (>= netstandard1.6)) (== net50) (== netstandard2.0) (== netstandard2.1)
      System.Security.Cryptography.Algorithms (>= 4.3) - restriction: || (&& (== net461) (>= net463)) (&& (== net461) (>= netstandard1.6)) (== net50) (== netstandard2.0) (== netstandard2.1)
      System.Security.Cryptography.Encoding (>= 4.3) - restriction: || (&& (== net461) (>= net463)) (&& (== net461) (>= netstandard1.6)) (== net50) (== netstandard2.0) (== netstandard2.1)
      System.Security.Cryptography.Primitives (>= 4.3) - restriction: || (&& (== net461) (>= net463)) (&& (== net461) (>= netstandard1.6)) (== net50) (== netstandard2.0) (== netstandard2.1)
      System.Text.Encoding (>= 4.3) - restriction: || (&& (== net461) (>= netstandard1.6)) (== net50) (== netstandard2.0) (== netstandard2.1)
    System.Security.Cryptography.Primitives (4.3) - restriction: || (&& (== net461) (< net46) (>= netstandard2.0)) (== net50) (== netstandard2.0) (== netstandard2.1)
      System.Diagnostics.Debug (>= 4.3) - restriction: || (&& (== net461) (< net46)) (== net50) (== netstandard2.0) (== netstandard2.1)
      System.Globalization (>= 4.3) - restriction: || (&& (== net461) (< net46)) (== net50) (== netstandard2.0) (== netstandard2.1)
      System.IO (>= 4.3) - restriction: || (&& (== net461) (< net46)) (== net50) (== netstandard2.0) (== netstandard2.1)
      System.Resources.ResourceManager (>= 4.3) - restriction: || (&& (== net461) (< net46)) (== net50) (== netstandard2.0) (== netstandard2.1)
      System.Runtime (>= 4.3) - restriction: || (&& (== net461) (< net46)) (== net50) (== netstandard2.0) (== netstandard2.1)
      System.Threading (>= 4.3) - restriction: || (&& (== net461) (< net46)) (== net50) (== netstandard2.0) (== netstandard2.1)
      System.Threading.Tasks (>= 4.3) - restriction: || (&& (== net461) (< net46)) (== net50) (== netstandard2.0) (== netstandard2.1)
    System.Security.Cryptography.X509Certificates (4.3) - restriction: || (&& (== net461) (>= netstandard2.0)) (== net50) (== netstandard2.0) (== netstandard2.1)
      Microsoft.NETCore.Platforms (>= 1.1) - restriction: || (&& (== net461) (< net46) (>= netstandard1.6)) (== net50) (== netstandard2.0) (== netstandard2.1)
      runtime.native.System (>= 4.3) - restriction: || (&& (== net461) (< net46) (>= netstandard1.6)) (== net50) (== netstandard2.0) (== netstandard2.1)
      runtime.native.System.Net.Http (>= 4.3) - restriction: || (&& (== net461) (< net46) (>= netstandard1.6)) (== net50) (== netstandard2.0) (== netstandard2.1)
      runtime.native.System.Security.Cryptography.OpenSsl (>= 4.3) - restriction: || (&& (== net461) (< net46) (>= netstandard1.6)) (== net50) (== netstandard2.0) (== netstandard2.1)
      System.Collections (>= 4.3) - restriction: || (&& (== net461) (< net46) (>= netstandard1.6)) (== net50) (== netstandard2.0) (== netstandard2.1)
      System.Diagnostics.Debug (>= 4.3) - restriction: || (&& (== net461) (< net46) (>= netstandard1.6)) (== net50) (== netstandard2.0) (== netstandard2.1)
      System.Globalization (>= 4.3) - restriction: || (&& (== net461) (< net46) (>= netstandard1.6)) (== net50) (== netstandard2.0) (== netstandard2.1)
      System.Globalization.Calendars (>= 4.3) - restriction: || (&& (== net461) (< net46) (>= netstandard1.6)) (== net50) (== netstandard2.0) (== netstandard2.1)
      System.IO (>= 4.3) - restriction: || (&& (== net461) (< net46) (>= netstandard1.6)) (== net50) (== netstandard2.0) (== netstandard2.1)
      System.IO.FileSystem (>= 4.3) - restriction: || (&& (== net461) (< net46) (>= netstandard1.6)) (== net50) (== netstandard2.0) (== netstandard2.1)
      System.IO.FileSystem.Primitives (>= 4.3) - restriction: || (&& (== net461) (< net46) (>= netstandard1.6)) (== net50) (== netstandard2.0) (== netstandard2.1)
      System.Resources.ResourceManager (>= 4.3) - restriction: || (&& (== net461) (< net46) (>= netstandard1.6)) (== net50) (== netstandard2.0) (== netstandard2.1)
      System.Runtime (>= 4.3) - restriction: || (&& (== net461) (< net46)) (== net50) (== netstandard2.0) (== netstandard2.1)
      System.Runtime.Extensions (>= 4.3) - restriction: || (&& (== net461) (< net46) (>= netstandard1.6)) (== net50) (== netstandard2.0) (== netstandard2.1)
      System.Runtime.Handles (>= 4.3) - restriction: || (&& (== net461) (< net46)) (== net50) (== netstandard2.0) (== netstandard2.1)
      System.Runtime.InteropServices (>= 4.3) - restriction: || (&& (== net461) (< net46) (>= netstandard1.6)) (== net50) (== netstandard2.0) (== netstandard2.1)
      System.Runtime.Numerics (>= 4.3) - restriction: || (&& (== net461) (< net46) (>= netstandard1.6)) (== net50) (== netstandard2.0) (== netstandard2.1)
      System.Security.Cryptography.Algorithms (>= 4.3)
      System.Security.Cryptography.Cng (>= 4.3) - restriction: || (&& (== net461) (< net46) (>= netstandard1.6)) (== net50) (== netstandard2.0) (== netstandard2.1)
      System.Security.Cryptography.Csp (>= 4.3) - restriction: || (&& (== net461) (< net46) (>= netstandard1.6)) (== net50) (== netstandard2.0) (== netstandard2.1)
      System.Security.Cryptography.Encoding (>= 4.3)
      System.Security.Cryptography.OpenSsl (>= 4.3) - restriction: || (&& (== net461) (< net46) (>= netstandard1.6)) (== net50) (== netstandard2.0) (== netstandard2.1)
      System.Security.Cryptography.Primitives (>= 4.3) - restriction: || (&& (== net461) (< net46) (>= netstandard1.6)) (== net50) (== netstandard2.0) (== netstandard2.1)
      System.Text.Encoding (>= 4.3) - restriction: || (&& (== net461) (< net46) (>= netstandard1.6)) (== net50) (== netstandard2.0) (== netstandard2.1)
      System.Threading (>= 4.3) - restriction: || (&& (== net461) (< net46) (>= netstandard1.6)) (== net50) (== netstandard2.0) (== netstandard2.1)
    System.Security.Permissions (4.7) - restriction: || (&& (== net461) (>= netstandard2.0)) (== net50) (== netstandard2.0) (== netstandard2.1)
      System.Security.AccessControl (>= 4.7)
      System.Windows.Extensions (>= 4.7) - restriction: || (&& (== net461) (>= netcoreapp3.0)) (== net50) (&& (== netstandard2.0) (>= netcoreapp3.0)) (&& (== netstandard2.1) (>= netcoreapp3.0))
    System.Security.Principal (4.3) - restriction: || (&& (== net461) (>= netstandard2.0)) (== net50) (== netstandard2.0) (== netstandard2.1)
      System.Runtime (>= 4.3) - restriction: || (&& (== net461) (< net45)) (== net50) (== netstandard2.0) (== netstandard2.1)
    System.Security.Principal.Windows (4.7) - restriction: || (&& (== net461) (>= netcoreapp2.0)) (&& (== net461) (>= netstandard2.0)) (== net50) (== netstandard2.0) (== netstandard2.1)
    System.Text.Encoding (4.3) - restriction: || (&& (== net461) (< net46) (>= netstandard2.0)) (== net50) (== netstandard2.0) (== netstandard2.1)
      Microsoft.NETCore.Platforms (>= 1.1) - restriction: || (&& (== net461) (< net45)) (== net50) (== netstandard2.0) (== netstandard2.1)
      Microsoft.NETCore.Targets (>= 1.1) - restriction: || (&& (== net461) (< net45)) (== net50) (== netstandard2.0) (== netstandard2.1)
      System.Runtime (>= 4.3) - restriction: || (&& (== net461) (< net45)) (== net50) (== netstandard2.0) (== netstandard2.1)
    System.Text.Encoding.CodePages (4.0.1) - restriction: || (&& (== net461) (>= netstandard2.0)) (== net50) (== netstandard2.0) (== netstandard2.1)
      Microsoft.NETCore.Platforms (>= 1.0.1) - restriction: || (&& (== net461) (< net46)) (== net50) (== netstandard2.0) (== netstandard2.1)
      System.Collections (>= 4.0.11) - restriction: || (&& (== net461) (< net46)) (== net50) (== netstandard2.0) (== netstandard2.1)
      System.Globalization (>= 4.0.11) - restriction: || (&& (== net461) (< net46)) (== net50) (== netstandard2.0) (== netstandard2.1)
      System.IO (>= 4.1) - restriction: || (&& (== net461) (< net46)) (== net50) (== netstandard2.0) (== netstandard2.1)
      System.Reflection (>= 4.1) - restriction: || (&& (== net461) (< net46)) (== net50) (== netstandard2.0) (== netstandard2.1)
      System.Resources.ResourceManager (>= 4.0.1) - restriction: || (&& (== net461) (< net46)) (== net50) (== netstandard2.0) (== netstandard2.1)
      System.Runtime (>= 4.1) - restriction: || (&& (== net461) (< net46)) (== net50) (== netstandard2.0) (== netstandard2.1)
      System.Runtime.Extensions (>= 4.1) - restriction: || (&& (== net461) (< net46)) (== net50) (== netstandard2.0) (== netstandard2.1)
      System.Runtime.Handles (>= 4.0.1) - restriction: || (&& (== net461) (< net46)) (== net50) (== netstandard2.0) (== netstandard2.1)
      System.Runtime.InteropServices (>= 4.1) - restriction: || (&& (== net461) (< net46)) (== net50) (== netstandard2.0) (== netstandard2.1)
      System.Text.Encoding (>= 4.0.11) - restriction: || (&& (== net461) (< net46)) (== net50) (== netstandard2.0) (== netstandard2.1)
      System.Threading (>= 4.0.11) - restriction: || (&& (== net461) (< net46)) (== net50) (== netstandard2.0) (== netstandard2.1)
    System.Text.Encoding.Extensions (4.3) - restriction: || (&& (== net461) (< net46) (>= netstandard2.0)) (== net50) (== netstandard2.0) (== netstandard2.1)
      Microsoft.NETCore.Platforms (>= 1.1) - restriction: || (&& (== net461) (< net45)) (== net50) (== netstandard2.0) (== netstandard2.1)
      Microsoft.NETCore.Targets (>= 1.1) - restriction: || (&& (== net461) (< net45)) (== net50) (== netstandard2.0) (== netstandard2.1)
      System.Runtime (>= 4.3) - restriction: || (&& (== net461) (< net45)) (== net50) (== netstandard2.0) (== netstandard2.1)
      System.Text.Encoding (>= 4.3) - restriction: || (&& (== net461) (< net45)) (== net50) (== netstandard2.0) (== netstandard2.1)
    System.Threading (4.3) - restriction: || (&& (== net461) (< net46) (>= netstandard2.0)) (== net50) (== netstandard2.0) (== netstandard2.1)
      System.Runtime (>= 4.3) - restriction: || (&& (== net461) (< net45)) (== net50) (== netstandard2.0) (== netstandard2.1)
      System.Threading.Tasks (>= 4.3) - restriction: || (&& (== net461) (< net45)) (== net50) (== netstandard2.0) (== netstandard2.1)
    System.Threading.Tasks (4.3) - restriction: || (&& (== net461) (< net46) (>= netstandard2.0)) (== net50) (== netstandard2.0) (== netstandard2.1)
      Microsoft.NETCore.Platforms (>= 1.1) - restriction: || (&& (== net461) (< net45)) (== net50) (== netstandard2.0) (== netstandard2.1)
      Microsoft.NETCore.Targets (>= 1.1) - restriction: || (&& (== net461) (< net45)) (== net50) (== netstandard2.0) (== netstandard2.1)
      System.Runtime (>= 4.3) - restriction: || (&& (== net461) (< net45)) (== net50) (== netstandard2.0) (== netstandard2.1)
    System.Threading.Tasks.Dataflow (4.9) - restriction: || (&& (== net461) (>= netstandard2.0)) (== net50) (== netstandard2.0) (== netstandard2.1)
    System.Threading.Tasks.Parallel (4.3) - restriction: || (&& (== net461) (>= netstandard2.0)) (== net50) (== netstandard2.0) (== netstandard2.1)
      System.Collections.Concurrent (>= 4.3) - restriction: || (&& (== net461) (< net45)) (== net50) (== netstandard2.0) (== netstandard2.1)
      System.Diagnostics.Debug (>= 4.3) - restriction: || (&& (== net461) (< net45)) (== net50) (== netstandard2.0) (== netstandard2.1)
      System.Diagnostics.Tracing (>= 4.3) - restriction: || (&& (== net461) (< net45)) (== net50) (== netstandard2.0) (== netstandard2.1)
      System.Resources.ResourceManager (>= 4.3) - restriction: || (&& (== net461) (< net45)) (== net50) (== netstandard2.0) (== netstandard2.1)
      System.Runtime (>= 4.3) - restriction: || (&& (== net461) (< net45)) (== net50) (== netstandard2.0) (== netstandard2.1)
      System.Runtime.Extensions (>= 4.3) - restriction: || (&& (== net461) (< net45)) (== net50) (== netstandard2.0) (== netstandard2.1)
      System.Threading (>= 4.3) - restriction: || (&& (== net461) (< net45)) (== net50) (== netstandard2.0) (== netstandard2.1)
      System.Threading.Tasks (>= 4.3) - restriction: || (&& (== net461) (< net45)) (== net50) (== netstandard2.0) (== netstandard2.1)
    System.Threading.Thread (4.3) - restriction: || (&& (== net461) (>= netstandard2.0)) (== net50) (== netstandard2.0) (== netstandard2.1)
      System.Runtime (>= 4.3) - restriction: || (&& (== net461) (< net46)) (== net50) (== netstandard2.0) (== netstandard2.1)
    System.Threading.ThreadPool (4.3) - restriction: || (&& (== net461) (>= netstandard2.0)) (== net50) (== netstandard2.0) (== netstandard2.1)
      System.Runtime (>= 4.3) - restriction: || (&& (== net461) (< net46)) (== net50) (== netstandard2.0) (== netstandard2.1)
      System.Runtime.Handles (>= 4.3) - restriction: || (&& (== net461) (< net46)) (== net50) (== netstandard2.0) (== netstandard2.1)
    System.Windows.Extensions (4.7) - restriction: || (&& (== net461) (>= netcoreapp3.0)) (== net50) (&& (== netstandard2.0) (>= netcoreapp3.0)) (&& (== netstandard2.1) (>= netcoreapp3.0))
      System.Drawing.Common (>= 4.7) - restriction: || (&& (== net461) (>= netcoreapp3.0)) (== net50) (&& (== netstandard2.0) (>= netcoreapp3.0)) (&& (== netstandard2.1) (>= netcoreapp3.0))

GROUP includes
REFERENCES: STRICT
RESTRICTION: || (== net461) (== netstandard2.0)
NUGET
  remote: https://api.nuget.org/v3/index.json
    FSharp.Core (5.0.1)
    Microsoft.NETCore.Platforms (5.0.2)
    NETStandard.Library (2.0.3)
      Microsoft.NETCore.Platforms (>= 1.1)

GROUP test
NUGET
  remote: https://api.nuget.org/v3/index.json
    Chutzpah (4.4.7)

GROUP wsbuild

GIT
  remote: https://github.com/dotnet-websharper/build-script
     (7155f2cb840374092cbe8eb2c8f1399c5c97f4af)